NUGET
  remote: https://www.nuget.org/api/v2
    FAKE (4.61)
    FsCheck (2.8.1)
      FSharp.Core (>= 3.1.2.5)
    FsCheck.Xunit (2.8.1)
      FsCheck (>= 2.8.1)
      xunit.extensibility.execution (>= 2.2 < 3.0)
    FSharp.Core (4.0.0.1) - redirects: force
    FSharpLint (0.2.8)
    FsUnit.xUnit (1.3.1)
      xunit (1.9.2)
    gitlink (2.4.1)
    GitVersion.CommandLine (4.0.0-beta0011)
    Microsoft.DotNet.PlatformAbstractions (1.1.1) - framework: netcore10
    Microsoft.Extensions.DependencyModel (1.1.1) - framework: netcore10
    Microsoft.TestPlatform.ObjectModel (15.0) - framework: netcore10
    NETStandard.Library (1.6.1) - framework: >= net452, >= netstandard11, netcore10
    NuGet.CommandLine (3.5)
    System.Threading.ThreadPool (4.3) - framework: netcore10
    xunit (1.9.2)
    xunit.abstractions (2.0.1) - framework: >= net452, >= netstandard11
      NETStandard.Library (>= 1.6) - framework: >= netstandard10
    xunit.extensibility.core (2.2) - framework: >= net452, >= netstandard11
      NETStandard.Library (>= 1.6) - framework: >= netstandard11
      xunit.abstractions (>= 2.0.1) - framework: >= net452, >= netstandard11
    xunit.extensibility.execution (2.2)
      NETStandard.Library (>= 1.6) - framework: >= netstandard11
      xunit.extensibility.core (2.2) - framework: >= net452, >= netstandard11
    xunit.runner.console (2.2)
    xunit.runner.visualstudio (2.2)
      Microsoft.DotNet.PlatformAbstractions (>= 1.1) - framework: netcore10
      Microsoft.Extensions.DependencyModel (>= 1.1) - framework: netcore10
      Microsoft.TestPlatform.ObjectModel (>= 11.0) - framework: netcore10
      NETStandard.Library (>= 1.6) - framework: netcore10
      System.Threading.ThreadPool (>= 4.0.10) - framework: netcore10
GIST
  remote: parthopdas/ccd06b223c0ae88ed9164f34cc1f5f06
    YaFunTK.fs (4f7035362a2dcd51d73132d1426430dba76f878b)