NUGET
  remote: https://www.nuget.org/api/v2
    FSharp.Core (4.0.0.1) - redirects: force
    Microsoft.CSharp (4.3) - redirects: force, restriction: || (&& (< net20) (>= netstandard10) (< netstandard13)) (&& (< net20) (>= netstandard13))
      System.Collections (>= 4.3) - restriction: || (&& (< net45) (>= netstandard13) (< monotouch) (< xamarinios) (< xamarinmac) (< win8) (< wpa81)) (>= dnxcore50)
      System.Diagnostics.Debug (>= 4.3) - restriction: || (&& (< net45) (>= netstandard13) (< monotouch) (< xamarinios) (< xamarinmac) (< win8) (< wpa81)) (>= dnxcore50)
      System.Dynamic.Runtime (>= 4.3) - restriction: || (&& (< net45) (>= netstandard10) (< netstandard13) (< monoandroid) (< win8) (< wp8) (< wpa81)) (&& (< net45) (>= netstandard13) (< monotouch) (< xamarinios) (< xamarinmac) (< win8) (< wpa81)) (>= dnxcore50)
      System.Globalization (>= 4.3) - restriction: || (&& (< net45) (>= netstandard13) (< monotouch) (< xamarinios) (< xamarinmac) (< win8) (< wpa81)) (>= dnxcore50)
      System.Linq (>= 4.3) - restriction: || (&& (< net45) (>= netstandard13) (< monotouch) (< xamarinios) (< xamarinmac) (< win8) (< wpa81)) (>= dnxcore50)
      System.Linq.Expressions (>= 4.3) - restriction: || (&& (< net45) (>= netstandard10) (< netstandard13) (< monoandroid) (< win8) (< wp8) (< wpa81)) (&& (< net45) (>= netstandard13) (< monotouch) (< xamarinios) (< xamarinmac) (< win8) (< wpa81)) (>= dnxcore50)
      System.ObjectModel (>= 4.3) - restriction: || (&& (< net45) (>= netstandard13) (< monotouch) (< xamarinios) (< xamarinmac) (< win8) (< wpa81)) (>= dnxcore50)
      System.Reflection (>= 4.3) - restriction: || (&& (< net45) (>= netstandard13) (< monotouch) (< xamarinios) (< xamarinmac) (< win8) (< wpa81)) (>= dnxcore50)
      System.Reflection.Extensions (>= 4.3) - restriction: || (&& (< net45) (>= netstandard13) (< monotouch) (< xamarinios) (< xamarinmac) (< win8) (< wpa81)) (>= dnxcore50)
      System.Reflection.Primitives (>= 4.3) - restriction: || (&& (< net45) (>= netstandard13) (< monotouch) (< xamarinios) (< xamarinmac) (< win8) (< wpa81)) (>= dnxcore50)
      System.Reflection.TypeExtensions (>= 4.3) - restriction: || (&& (< net45) (>= netstandard13) (< monotouch) (< xamarinios) (< xamarinmac) (< win8) (< wpa81)) (>= dnxcore50)
      System.Resources.ResourceManager (>= 4.3) - restriction: || (&& (< net45) (>= netstandard13) (< monotouch) (< xamarinios) (< xamarinmac) (< win8) (< wpa81)) (>= dnxcore50)
      System.Runtime (>= 4.3) - restriction: || (&& (< net45) (>= netstandard10) (< netstandard13) (< monoandroid) (< win8) (< wp8) (< wpa81)) (&& (< net45) (>= netstandard13) (< monotouch) (< xamarinios) (< xamarinmac) (< win8) (< wpa81)) (>= dnxcore50)
      System.Runtime.Extensions (>= 4.3) - restriction: || (&& (< net45) (>= netstandard13) (< monotouch) (< xamarinios) (< xamarinmac) (< win8) (< wpa81)) (>= dnxcore50)
      System.Runtime.InteropServices (>= 4.3) - restriction: || (&& (< net45) (>= netstandard13) (< monotouch) (< xamarinios) (< xamarinmac) (< win8) (< wpa81)) (>= dnxcore50)
      System.Threading (>= 4.3) - restriction: || (&& (< net45) (>= netstandard13) (< monotouch) (< xamarinios) (< xamarinmac) (< win8) (< wpa81)) (>= dnxcore50)
    Microsoft.NETCore.Platforms (1.1) - redirects: force, restriction: || (&& (< net20) (>= netstandard10) (< netstandard11) (< monoandroid) (< win8) (< wp8)) (&& (< net20) (>= netstandard10) (< netstandard12) (< monoandroid) (< win8) (< wp8)) (&& (< net20) (>= netstandard10) (< netstandard13)) (&& (< net20) (>= netstandard11) (< netstandard12) (< monoandroid) (< win8)) (&& (< net20) (>= netstandard11) (< netstandard13) (< win8) (< wpa81)) (&& (< net20) (>= netstandard12) (< netstandard13) (< monoandroid) (< win8) (< wpa81)) (&& (< net20) (>= netstandard12) (< netstandard13) (< win81) (< wpa81)) (&& (< net20) (>= netstandard13)) (&& (< net20) (< netstandard13) (>= netstandard15)) (&& (< net20) (>= netstandard15) (< monotouch) (< xamarinios) (< xamarinmac)) (&& (>= dnxcore50) (>= netstandard10)) (&& (>= dnxcore50) (>= netstandard11)) (&& (>= dnxcore50) (>= netstandard12)) (&& (>= dnxcore50) (>= netstandard13)) (&& (>= dnxcore50) (>= netstandard14)) (&& (>= dnxcore50) (>= netstandard15)) (&& (>= dnxcore50) (>= netstandard16)) (&& (< netstandard13) (>= netstandard16)) (&& (>= netstandard16) (< monotouch) (< xamarinios) (< xamarinmac)) (>= netcore11)
    Microsoft.NETCore.Targets (1.1) - redirects: force, restriction: || (&& (< net20) (>= netstandard10) (< netstandard11) (< monoandroid) (< win8) (< wp8)) (&& (< net20) (>= netstandard10) (< netstandard12) (< monoandroid) (< win8) (< wp8)) (&& (< net20) (>= netstandard10) (< netstandard13) (< win8) (< wp8) (< wpa81)) (&& (< net20) (>= netstandard11) (< netstandard12) (< monoandroid) (< win8)) (&& (< net20) (>= netstandard11) (< netstandard13) (< win8) (< wpa81)) (&& (< net20) (< netstandard11) (>= netstandard13) (< monoandroid) (< win8)) (&& (< net20) (>= netstandard12) (< netstandard13) (< monoandroid) (< win8) (< wpa81)) (&& (< net20) (>= netstandard12) (< netstandard13) (< win81) (< wpa81)) (&& (< net20) (< netstandard12) (>= netstandard13) (< monoandroid) (< win8)) (&& (< net20) (>= netstandard13) (< netstandard15) (< monoandroid) (< win8) (< wpa81)) (&& (< net20) (>= netstandard13) (< monotouch) (< xamarinios) (< xamarinmac)) (&& (< net20) (< netstandard13) (>= netstandard15)) (&& (< net20) (>= netstandard15) (< monotouch) (< xamarinios) (< xamarinmac)) (&& (>= dnxcore50) (>= netstandard10)) (&& (>= dnxcore50) (>= netstandard11)) (&& (>= dnxcore50) (>= netstandard12)) (&& (>= dnxcore50) (>= netstandard13)) (&& (>= dnxcore50) (>= netstandard15)) (&& (< netstandard13) (>= netstandard16)) (&& (>= netstandard16) (< monotouch) (< xamarinios) (< xamarinmac)) (>= netcore11)
    Microsoft.Win32.Primitives (4.3) - redirects: force, restriction: && (< net20) (>= netstandard13)
      Microsoft.NETCore.Platforms (>= 1.1) - restriction: && (< net46) (>= netstandard13) (< monotouch) (< xamarinios) (< xamarinmac)
      Microsoft.NETCore.Targets (>= 1.1) - restriction: && (< net46) (>= netstandard13) (< monotouch) (< xamarinios) (< xamarinmac)
      System.Runtime (>= 4.3) - restriction: && (< net46) (>= netstandard13) (< monotouch) (< xamarinios) (< xamarinmac)
    NETStandard.Library (1.6.1) - redirects: force, restriction: || (&& (< net20) (>= netstandard10) (< netstandard13)) (&& (< net20) (>= netstandard13)) (&& (>= netstandard10) (>= win81)) (>= wpa81)
      Microsoft.NETCore.Platforms (>= 1.1) - restriction: >= netstandard10
      Microsoft.Win32.Primitives (>= 4.3) - restriction: >= netstandard13
      System.AppContext (>= 4.3) - restriction: >= netstandard13
      System.Collections (>= 4.3) - restriction: >= netstandard10
      System.Collections.Concurrent (>= 4.3) - restriction: >= netstandard11
      System.Console (>= 4.3) - restriction: >= netstandard13
      System.Diagnostics.Debug (>= 4.3) - restriction: >= netstandard10
      System.Diagnostics.Tools (>= 4.3) - restriction: >= netstandard10
      System.Diagnostics.Tracing (>= 4.3) - restriction: >= netstandard11
      System.Globalization (>= 4.3) - restriction: >= netstandard10
      System.Globalization.Calendars (>= 4.3) - restriction: >= netstandard13
      System.IO (>= 4.3) - restriction: >= netstandard10
      System.IO.Compression (>= 4.3) - restriction: >= netstandard11
      System.IO.Compression.ZipFile (>= 4.3) - restriction: >= netstandard13
      System.IO.FileSystem (>= 4.3) - restriction: >= netstandard13
      System.IO.FileSystem.Primitives (>= 4.3) - restriction: >= netstandard13
      System.Linq (>= 4.3) - restriction: >= netstandard10
      System.Linq.Expressions (>= 4.3) - restriction: >= netstandard10
      System.Net.Http (>= 4.3) - restriction: >= netstandard11
      System.Net.Primitives (>= 4.3) - restriction: >= netstandard10
      System.Net.Sockets (>= 4.3) - restriction: >= netstandard13
      System.ObjectModel (>= 4.3) - restriction: >= netstandard10
      System.Reflection (>= 4.3) - restriction: >= netstandard10
      System.Reflection.Extensions (>= 4.3) - restriction: >= netstandard10
      System.Reflection.Primitives (>= 4.3) - restriction: >= netstandard10
      System.Resources.ResourceManager (>= 4.3) - restriction: >= netstandard10
      System.Runtime (>= 4.3) - restriction: >= netstandard10
      System.Runtime.Extensions (>= 4.3) - restriction: >= netstandard10
      System.Runtime.Handles (>= 4.3) - restriction: >= netstandard13
      System.Runtime.InteropServices (>= 4.3) - restriction: >= netstandard11
      System.Runtime.InteropServices.RuntimeInformation (>= 4.3) - restriction: >= netstandard11
      System.Runtime.Numerics (>= 4.3) - restriction: >= netstandard11
      System.Security.Cryptography.Algorithms (>= 4.3) - restriction: >= netstandard13
      System.Security.Cryptography.Encoding (>= 4.3) - restriction: >= netstandard13
      System.Security.Cryptography.Primitives (>= 4.3) - restriction: >= netstandard13
      System.Security.Cryptography.X509Certificates (>= 4.3) - restriction: >= netstandard13
      System.Text.Encoding (>= 4.3) - restriction: >= netstandard10
      System.Text.Encoding.Extensions (>= 4.3) - restriction: >= netstandard10
      System.Text.RegularExpressions (>= 4.3) - restriction: >= netstandard10
      System.Threading (>= 4.3) - restriction: >= netstandard10
      System.Threading.Tasks (>= 4.3) - restriction: >= netstandard10
      System.Threading.Timer (>= 4.3) - restriction: >= netstandard12
      System.Xml.ReaderWriter (>= 4.3) - restriction: >= netstandard10
      System.Xml.XDocument (>= 4.3) - restriction: >= netstandard10
    Newtonsoft.Json (10.0.2) - redirects: force
      Microsoft.CSharp (>= 4.3) - restriction: || (&& (< net20) (>= netstandard10) (< netstandard13)) (&& (< net20) (>= netstandard13))
      NETStandard.Library (>= 1.6.1) - restriction: || (&& (< net20) (>= netstandard10) (< netstandard13)) (&& (< net20) (>= netstandard13))
      System.ComponentModel.TypeConverter (>= 4.3) - restriction: || (&& (< net20) (>= netstandard10) (< netstandard13)) (&& (< net20) (>= netstandard13))
      System.Runtime.Serialization.Formatters (>= 4.3) - restriction: && (< net20) (>= netstandard13)
      System.Runtime.Serialization.Primitives (>= 4.3) - restriction: || (&& (< net20) (>= netstandard10) (< netstandard13)) (&& (< net20) (>= netstandard13))
      System.Xml.XmlDocument (>= 4.3) - restriction: && (< net20) (>= netstandard13)
    runtime.debian.8-x64.runtime.native.System.Security.Cryptography.OpenSsl (4.3.1) - redirects: force, restriction: || (&& (< net20) (>= netstandard13) (< monotouch) (< xamarinios) (< xamarinmac)) (&& (< netstandard13) (>= netstandard16)) (&& (>= netstandard16) (< monotouch) (< xamarinios) (< xamarinmac))
    runtime.fedora.23-x64.runtime.native.System.Security.Cryptography.OpenSsl (4.3.1) - redirects: force, restriction: || (&& (< net20) (>= netstandard13) (< monotouch) (< xamarinios) (< xamarinmac)) (&& (< netstandard13) (>= netstandard16)) (&& (>= netstandard16) (< monotouch) (< xamarinios) (< xamarinmac))
    runtime.fedora.24-x64.runtime.native.System.Security.Cryptography.OpenSsl (4.3.1) - redirects: force, restriction: || (&& (< net20) (>= netstandard13) (< monotouch) (< xamarinios) (< xamarinmac)) (&& (< netstandard13) (>= netstandard16)) (&& (>= netstandard16) (< monotouch) (< xamarinios) (< xamarinmac))
    runtime.native.System (4.3) - redirects: force, restriction: || (&& (< net20) (>= netstandard11) (< netstandard13) (< win8) (< wpa81)) (&& (< net20) (>= netstandard13) (< monotouch) (< xamarinios) (< xamarinmac) (< win8) (< wpa81)) (&& (< netstandard13) (>= netstandard16)) (&& (>= netstandard16) (< monotouch) (< xamarinios) (< xamarinmac))
      Microsoft.NETCore.Platforms (>= 1.1)
      Microsoft.NETCore.Targets (>= 1.1)
    runtime.native.System.IO.Compression (4.3) - redirects: force, restriction: || (&& (< net20) (>= netstandard13) (< monotouch) (< xamarinios) (< xamarinmac) (< win8) (< wpa81)) (&& (>= dnxcore50) (>= netstandard11)) (&& (>= dnxcore50) (>= netstandard13))
      Microsoft.NETCore.Platforms (>= 1.1)
      Microsoft.NETCore.Targets (>= 1.1)
    runtime.native.System.Net.Http (4.3) - redirects: force, restriction: || (&& (< netstandard13) (>= netstandard16)) (&& (>= netstandard16) (< monotouch) (< xamarinios) (< xamarinmac))
      Microsoft.NETCore.Platforms (>= 1.1)
      Microsoft.NETCore.Targets (>= 1.1)
    runtime.native.System.Security.Cryptography.Apple (4.3) - redirects: force, restriction: && (>= netstandard16) (< monotouch) (< xamarinios) (< xamarinmac)
      runtime.osx.10.10-x64.runtime.native.System.Security.Cryptography.Apple (>= 4.3)
    runtime.native.System.Security.Cryptography.OpenSsl (4.3.1) - redirects: force, restriction: || (&& (< net20) (>= netstandard13) (< monotouch) (< xamarinios) (< xamarinmac)) (&& (< netstandard13) (>= netstandard16)) (&& (>= netstandard16) (< monotouch) (< xamarinios) (< xamarinmac))
      runtime.debian.8-x64.runtime.native.System.Security.Cryptography.OpenSsl (>= 4.3.1)
      runtime.fedora.23-x64.runtime.native.System.Security.Cryptography.OpenSsl (>= 4.3.1)
      runtime.fedora.24-x64.runtime.native.System.Security.Cryptography.OpenSsl (>= 4.3.1)
      runtime.opensuse.13.2-x64.runtime.native.System.Security.Cryptography.OpenSsl (>= 4.3.1)
      runtime.opensuse.42.1-x64.runtime.native.System.Security.Cryptography.OpenSsl (>= 4.3.1)
      runtime.osx.10.10-x64.runtime.native.System.Security.Cryptography.OpenSsl (>= 4.3.1)
      runtime.rhel.7-x64.runtime.native.System.Security.Cryptography.OpenSsl (>= 4.3.1)
      runtime.ubuntu.14.04-x64.runtime.native.System.Security.Cryptography.OpenSsl (>= 4.3.1)
      runtime.ubuntu.16.04-x64.runtime.native.System.Security.Cryptography.OpenSsl (>= 4.3.1)
      runtime.ubuntu.16.10-x64.runtime.native.System.Security.Cryptography.OpenSsl (>= 4.3.1)
    runtime.opensuse.13.2-x64.runtime.native.System.Security.Cryptography.OpenSsl (4.3.1) - redirects: force, restriction: || (&& (< net20) (>= netstandard13) (< monotouch) (< xamarinios) (< xamarinmac)) (&& (< netstandard13) (>= netstandard16)) (&& (>= netstandard16) (< monotouch) (< xamarinios) (< xamarinmac))
    runtime.opensuse.42.1-x64.runtime.native.System.Security.Cryptography.OpenSsl (4.3.1) - redirects: force, restriction: || (&& (< net20) (>= netstandard13) (< monotouch) (< xamarinios) (< xamarinmac)) (&& (< netstandard13) (>= netstandard16)) (&& (>= netstandard16) (< monotouch) (< xamarinios) (< xamarinmac))
    runtime.osx.10.10-x64.runtime.native.System.Security.Cryptography.Apple (4.3) - redirects: force, restriction: && (>= netstandard16) (< monotouch) (< xamarinios) (< xamarinmac)
    runtime.osx.10.10-x64.runtime.native.System.Security.Cryptography.OpenSsl (4.3.1) - redirects: force, restriction: || (&& (< net20) (>= netstandard13) (< monotouch) (< xamarinios) (< xamarinmac)) (&& (< netstandard13) (>= netstandard16)) (&& (>= netstandard16) (< monotouch) (< xamarinios) (< xamarinmac))
    runtime.rhel.7-x64.runtime.native.System.Security.Cryptography.OpenSsl (4.3.1) - redirects: force, restriction: || (&& (< net20) (>= netstandard13) (< monotouch) (< xamarinios) (< xamarinmac)) (&& (< netstandard13) (>= netstandard16)) (&& (>= netstandard16) (< monotouch) (< xamarinios) (< xamarinmac))
    runtime.ubuntu.14.04-x64.runtime.native.System.Security.Cryptography.OpenSsl (4.3.1) - redirects: force, restriction: || (&& (< net20) (>= netstandard13) (< monotouch) (< xamarinios) (< xamarinmac)) (&& (< netstandard13) (>= netstandard16)) (&& (>= netstandard16) (< monotouch) (< xamarinios) (< xamarinmac))
    runtime.ubuntu.16.04-x64.runtime.native.System.Security.Cryptography.OpenSsl (4.3.1) - redirects: force, restriction: || (&& (< net20) (>= netstandard13) (< monotouch) (< xamarinios) (< xamarinmac)) (&& (< netstandard13) (>= netstandard16)) (&& (>= netstandard16) (< monotouch) (< xamarinios) (< xamarinmac))
    runtime.ubuntu.16.10-x64.runtime.native.System.Security.Cryptography.OpenSsl (4.3.1) - redirects: force, restriction: || (&& (< net20) (>= netstandard13) (< monotouch) (< xamarinios) (< xamarinmac)) (&& (< netstandard13) (>= netstandard16)) (&& (>= netstandard16) (< monotouch) (< xamarinios) (< xamarinmac))
    System.AppContext (4.3) - redirects: force, restriction: && (< net20) (>= netstandard13)
      System.Runtime (>= 4.3) - restriction: || (&& (< net46) (>= netstandard13) (< netstandard16) (< monoandroid)) (>= dnxcore50) (&& (>= netstandard16) (< monotouch) (< xamarinios) (< xamarinmac))
    System.Buffers (4.3) - redirects: force, restriction: || (&& (< net20) (>= netstandard13) (< monotouch) (< xamarinios) (< xamarinmac)) (&& (>= dnxcore50) (>= netstandard11)) (&& (>= dnxcore50) (>= netstandard13))
      System.Diagnostics.Debug (>= 4.3) - restriction: && (< net45) (>= netstandard11) (< monotouch) (< xamarinios) (< xamarinmac) (< win8) (< wpa81)
      System.Diagnostics.Tracing (>= 4.3) - restriction: && (< net45) (>= netstandard11) (< monotouch) (< xamarinios) (< xamarinmac) (< win8) (< wpa81)
      System.Resources.ResourceManager (>= 4.3) - restriction: && (< net45) (>= netstandard11) (< monotouch) (< xamarinios) (< xamarinmac) (< win8) (< wpa81)
      System.Runtime (>= 4.3) - restriction: && (< net45) (>= netstandard11) (< monotouch) (< xamarinios) (< xamarinmac) (< win8) (< wpa81)
      System.Threading (>= 4.3) - restriction: && (< net45) (>= netstandard11) (< monotouch) (< xamarinios) (< xamarinmac) (< win8) (< wpa81)
    System.Collections (4.3) - redirects: force, restriction: || (&& (< net20) (>= netstandard10) (< netstandard13)) (&& (< net20) (>= netstandard13)) (&& (< net20) (< netstandard13) (>= netstandard15)) (&& (< net20) (>= netstandard14) (< monotouch) (< xamarinios) (< xamarinmac)) (&& (< net20) (>= netstandard15) (< monotouch) (< xamarinios) (< xamarinmac)) (&& (>= dnxcore50) (>= netstandard10)) (&& (>= dnxcore50) (>= netstandard11)) (&& (>= dnxcore50) (>= netstandard13)) (&& (>= dnxcore50) (>= netstandard16)) (&& (< netstandard13) (>= netstandard16)) (&& (>= netstandard16) (< monotouch) (< xamarinios) (< xamarinmac))
      Microsoft.NETCore.Platforms (>= 1.1) - restriction: || (&& (< net45) (>= netstandard10) (< netstandard13) (< monoandroid) (< win8) (< wp8) (< wpa81)) (&& (< net45) (>= netstandard13) (< monotouch) (< xamarinios) (< xamarinmac) (< win8) (< wpa81)) (>= dnxcore50)
      Microsoft.NETCore.Targets (>= 1.1) - restriction: || (&& (< net45) (>= netstandard10) (< netstandard13) (< monoandroid) (< win8) (< wp8) (< wpa81)) (&& (< net45) (>= netstandard13) (< monotouch) (< xamarinios) (< xamarinmac) (< win8) (< wpa81)) (>= dnxcore50)
      System.Runtime (>= 4.3) - restriction: || (&& (< net45) (>= netstandard10) (< netstandard13) (< monoandroid) (< win8) (< wp8) (< wpa81)) (&& (< net45) (>= netstandard13) (< monotouch) (< xamarinios) (< xamarinmac) (< win8) (< wpa81)) (>= dnxcore50)
    System.Collections.Concurrent (4.3) - redirects: force, restriction: || (&& (< net20) (>= netstandard11) (< netstandard13)) (&& (< net20) (>= netstandard13))
      System.Collections (>= 4.3) - restriction: || (&& (< net45) (>= netstandard13) (< monotouch) (< xamarinios) (< xamarinmac) (< win8) (< wpa81)) (>= dnxcore50)
      System.Diagnostics.Debug (>= 4.3) - restriction: || (&& (< net45) (>= netstandard13) (< monotouch) (< xamarinios) (< xamarinmac) (< win8) (< wpa81)) (>= dnxcore50)
      System.Diagnostics.Tracing (>= 4.3) - restriction: || (&& (< net45) (>= netstandard13) (< monotouch) (< xamarinios) (< xamarinmac) (< win8) (< wpa81)) (>= dnxcore50)
      System.Globalization (>= 4.3) - restriction: || (&& (< net45) (>= netstandard13) (< monotouch) (< xamarinios) (< xamarinmac) (< win8) (< wpa81)) (>= dnxcore50)
      System.Reflection (>= 4.3) - restriction: && (< net45) (>= netstandard13) (< monotouch) (< xamarinios) (< xamarinmac) (< win8) (< wpa81)
      System.Resources.ResourceManager (>= 4.3) - restriction: || (&& (< net45) (>= netstandard13) (< monotouch) (< xamarinios) (< xamarinmac) (< win8) (< wpa81)) (>= dnxcore50)
      System.Runtime (>= 4.3) - restriction: || (&& (< net45) (>= netstandard11) (< netstandard13) (< monoandroid) (< win8) (< wpa81)) (&& (< net45) (>= netstandard13) (< monotouch) (< xamarinios) (< xamarinmac) (< win8) (< wpa81)) (>= dnxcore50)
      System.Runtime.Extensions (>= 4.3) - restriction: || (&& (< net45) (>= netstandard13) (< monotouch) (< xamarinios) (< xamarinmac) (< win8) (< wpa81)) (>= dnxcore50)
      System.Threading (>= 4.3) - restriction: || (&& (< net45) (>= netstandard13) (< monotouch) (< xamarinios) (< xamarinmac) (< win8) (< wpa81)) (>= dnxcore50)
      System.Threading.Tasks (>= 4.3) - restriction: || (&& (< net45) (>= netstandard11) (< netstandard13) (< monoandroid) (< win8) (< wpa81)) (&& (< net45) (>= netstandard13) (< monotouch) (< xamarinios) (< xamarinmac) (< win8) (< wpa81)) (>= dnxcore50)
    System.Collections.NonGeneric (4.3) - redirects: force, restriction: || (&& (< net20) (>= net462)) (&& (< net20) (< netstandard13) (>= netstandard15)) (&& (< net20) (>= netstandard15) (< monotouch) (< xamarinios) (< xamarinmac))
      System.Diagnostics.Debug (>= 4.3) - restriction: && (< net46) (>= netstandard13) (< monotouch) (< xamarinios) (< xamarinmac)
      System.Globalization (>= 4.3) - restriction: && (< net46) (>= netstandard13) (< monotouch) (< xamarinios) (< xamarinmac)
      System.Resources.ResourceManager (>= 4.3) - restriction: && (< net46) (>= netstandard13) (< monotouch) (< xamarinios) (< xamarinmac)
      System.Runtime (>= 4.3) - restriction: && (< net46) (>= netstandard13) (< monotouch) (< xamarinios) (< xamarinmac)
      System.Runtime.Extensions (>= 4.3) - restriction: && (< net46) (>= netstandard13) (< monotouch) (< xamarinios) (< xamarinmac)
      System.Threading (>= 4.3) - restriction: && (< net46) (>= netstandard13) (< monotouch) (< xamarinios) (< xamarinmac)
    System.Collections.Specialized (4.3) - redirects: force, restriction: || (&& (< net20) (< netstandard13) (>= netstandard15)) (&& (< net20) (>= netstandard15) (< monotouch) (< xamarinios) (< xamarinmac))
      System.Collections.NonGeneric (>= 4.3) - restriction: && (< net46) (>= netstandard13) (< monotouch) (< xamarinios) (< xamarinmac)
      System.Globalization (>= 4.3) - restriction: && (< net46) (>= netstandard13) (< monotouch) (< xamarinios) (< xamarinmac)
      System.Globalization.Extensions (>= 4.3) - restriction: && (< net46) (>= netstandard13) (< monotouch) (< xamarinios) (< xamarinmac)
      System.Resources.ResourceManager (>= 4.3) - restriction: && (< net46) (>= netstandard13) (< monotouch) (< xamarinios) (< xamarinmac)
      System.Runtime (>= 4.3) - restriction: && (< net46) (>= netstandard13) (< monotouch) (< xamarinios) (< xamarinmac)
      System.Runtime.Extensions (>= 4.3) - restriction: && (< net46) (>= netstandard13) (< monotouch) (< xamarinios) (< xamarinmac)
      System.Threading (>= 4.3) - restriction: && (< net46) (>= netstandard13) (< monotouch) (< xamarinios) (< xamarinmac)
    System.ComponentModel (4.3) - redirects: force, restriction: || (&& (< net20) (>= netstandard10) (< netstandard13) (< monoandroid) (< win8) (< wp8)) (&& (< net20) (>= netstandard13) (< netstandard15) (< monoandroid) (< win8)) (&& (< net20) (< netstandard13) (>= netstandard15)) (&& (< net20) (>= netstandard15) (< monotouch) (< xamarinios) (< xamarinmac)) (&& (< net45) (>= netstandard10)) (&& (>= netstandard10) (>= win81)) (>= netcore10) (>= wpa81)
      System.Runtime (>= 4.3) - restriction: || (&& (< net45) (>= netstandard10) (< netstandard13) (< monoandroid) (< win8) (< wp8) (< wpa81)) (&& (< net45) (>= netstandard13) (< monotouch) (< xamarinios) (< xamarinmac) (< win8) (< wpa81)) (>= dnxcore50)
    System.ComponentModel.Primitives (4.3) - redirects: force, restriction: || (&& (< net20) (>= net45) (>= netstandard13) (< netstandard15)) (&& (< net20) (>= net45) (< netstandard13)) (&& (< net20) (>= net462)) (&& (< net20) (>= netstandard10) (< netstandard13) (< monoandroid) (< win8)) (&& (< net20) (>= netstandard13) (< netstandard15) (< monoandroid) (< win8)) (&& (< net20) (< netstandard13) (>= netstandard15)) (&& (< net20) (>= netstandard15) (< monotouch) (< xamarinios) (< xamarinmac)) (&& (< netstandard10) (>= netstandard13) (>= win8)) (&& (>= netstandard13) (>= wpa81)) (&& (< netstandard13) (>= wpa81)) (>= wp8)
      System.ComponentModel (>= 4.3) - restriction: && (< net45) (>= netstandard10) (< monotouch) (< xamarinios) (< xamarinmac) (< win8) (< wp8) (< wpa81)
      System.Resources.ResourceManager (>= 4.3) - restriction: && (< net45) (>= netstandard10) (< monotouch) (< xamarinios) (< xamarinmac) (< win8) (< wp8) (< wpa81)
      System.Runtime (>= 4.3) - restriction: && (< net45) (>= netstandard10) (< monotouch) (< xamarinios) (< xamarinmac) (< win8) (< wp8) (< wpa81)
    System.ComponentModel.TypeConverter (4.3) - redirects: force, restriction: || (&& (< net20) (>= netstandard10) (< netstandard13)) (&& (< net20) (>= netstandard13))
      System.Collections (>= 4.3) - restriction: || (&& (< net45) (>= netstandard10) (< netstandard15) (< monoandroid) (< win8) (< wp8) (< wpa81)) (&& (< net45) (>= netstandard15) (< monotouch) (< xamarinios) (< xamarinmac))
      System.Collections.NonGeneric (>= 4.3) - restriction: || (&& (< net45) (>= netstandard15) (< monotouch) (< xamarinios) (< xamarinmac)) (>= net462)
      System.Collections.Specialized (>= 4.3) - restriction: && (< net45) (>= netstandard15) (< monotouch) (< xamarinios) (< xamarinmac)
      System.ComponentModel (>= 4.3) - restriction: || (&& (< net45) (>= netstandard10) (< netstandard15) (< monoandroid) (< win8) (< wp8) (< wpa81)) (&& (< net45) (>= netstandard15) (< monotouch) (< xamarinios) (< xamarinmac))
      System.ComponentModel.Primitives (>= 4.3) - restriction: || (&& (>= net45) (< netstandard15)) (&& (< net45) (>= netstandard10) (< netstandard15) (< monoandroid) (< win8)) (&& (< net45) (>= netstandard15) (< monotouch) (< xamarinios) (< xamarinmac)) (>= net462) (&& (< netstandard10) (>= win8)) (>= wp8) (>= wpa81)
      System.Globalization (>= 4.3) - restriction: || (&& (< net45) (>= netstandard10) (< netstandard15) (< monoandroid) (< win8) (< wp8) (< wpa81)) (&& (< net45) (>= netstandard15) (< monotouch) (< xamarinios) (< xamarinmac))
      System.Linq (>= 4.3) - restriction: && (< net45) (>= netstandard15) (< monotouch) (< xamarinios) (< xamarinmac)
      System.Reflection (>= 4.3) - restriction: || (&& (< net45) (>= netstandard10) (< netstandard15) (< monoandroid) (< win8) (< wp8) (< wpa81)) (&& (< net45) (>= netstandard15) (< monotouch) (< xamarinios) (< xamarinmac))
      System.Reflection.Extensions (>= 4.3) - restriction: || (&& (< net45) (>= netstandard10) (< netstandard15) (< monoandroid) (< win8) (< wp8) (< wpa81)) (&& (< net45) (>= netstandard15) (< monotouch) (< xamarinios) (< xamarinmac))
      System.Reflection.Primitives (>= 4.3) - restriction: || (&& (< net45) (>= netstandard10) (< netstandard15) (< monoandroid) (< win8) (< wp8) (< wpa81)) (&& (< net45) (>= netstandard15) (< monotouch) (< xamarinios) (< xamarinmac))
      System.Reflection.TypeExtensions (>= 4.3) - restriction: && (< net45) (>= netstandard15) (< monotouch) (< xamarinios) (< xamarinmac)
      System.Resources.ResourceManager (>= 4.3) - restriction: || (&& (< net45) (>= netstandard10) (< netstandard15) (< monoandroid) (< win8) (< wp8) (< wpa81)) (&& (< net45) (>= netstandard15) (< monotouch) (< xamarinios) (< xamarinmac))
      System.Runtime (>= 4.3) - restriction: || (&& (< net45) (>= netstandard10) (< netstandard15) (< monoandroid) (< win8) (< wp8) (< wpa81)) (&& (< net45) (>= netstandard15) (< monotouch) (< xamarinios) (< xamarinmac))
      System.Runtime.Extensions (>= 4.3) - restriction: || (&& (< net45) (>= netstandard10) (< netstandard15) (< monoandroid) (< win8) (< wp8) (< wpa81)) (&& (< net45) (>= netstandard15) (< monotouch) (< xamarinios) (< xamarinmac))
      System.Threading (>= 4.3) - restriction: || (&& (< net45) (>= netstandard10) (< netstandard15) (< monoandroid) (< win8) (< wp8) (< wpa81)) (&& (< net45) (>= netstandard15) (< monotouch) (< xamarinios) (< xamarinmac))
    System.Console (4.3) - redirects: force, restriction: && (< net20) (>= netstandard13)
      Microsoft.NETCore.Platforms (>= 1.1) - restriction: && (< net46) (>= netstandard13) (< monotouch) (< xamarinios) (< xamarinmac)
      Microsoft.NETCore.Targets (>= 1.1) - restriction: && (< net46) (>= netstandard13) (< monotouch) (< xamarinios) (< xamarinmac)
      System.IO (>= 4.3) - restriction: && (< net46) (>= netstandard13) (< monotouch) (< xamarinios) (< xamarinmac)
      System.Runtime (>= 4.3) - restriction: && (< net46) (>= netstandard13) (< monotouch) (< xamarinios) (< xamarinmac)
      System.Text.Encoding (>= 4.3) - restriction: && (< net46) (>= netstandard13) (< monotouch) (< xamarinios) (< xamarinmac)
    System.Diagnostics.Contracts (4.3) - restriction: || (&& (< net45) (>= netstandard10)) (&& (>= netstandard10) (>= win81)) (>= netcore10) (>= wpa81)
    System.Diagnostics.Debug (4.3) - redirects: force, restriction: || (&& (< net20) (>= net462)) (&& (< net20) (>= netstandard10) (< netstandard13)) (&& (< net20) (>= netstandard13)) (&& (< net20) (< netstandard13) (>= netstandard15)) (&& (< net20) (>= netstandard15) (< monotouch) (< xamarinios) (< xamarinmac)) (&& (>= dnxcore50) (>= netstandard10)) (&& (>= dnxcore50) (>= netstandard13)) (&& (>= dnxcore50) (>= netstandard16)) (&& (< netstandard13) (>= netstandard16)) (&& (>= netstandard16) (< monotouch) (< xamarinios) (< xamarinmac))
      Microsoft.NETCore.Platforms (>= 1.1) - restriction: || (&& (< net45) (>= netstandard10) (< netstandard13) (< monoandroid) (< win8) (< wp8) (< wpa81)) (&& (< net45) (>= netstandard13) (< monotouch) (< xamarinios) (< xamarinmac) (< win8) (< wpa81)) (>= dnxcore50)
      Microsoft.NETCore.Targets (>= 1.1) - restriction: || (&& (< net45) (>= netstandard10) (< netstandard13) (< monoandroid) (< win8) (< wp8) (< wpa81)) (&& (< net45) (>= netstandard13) (< monotouch) (< xamarinios) (< xamarinmac) (< win8) (< wpa81)) (>= dnxcore50)
      System.Runtime (>= 4.3) - restriction: || (&& (< net45) (>= netstandard10) (< netstandard13) (< monoandroid) (< win8) (< wp8) (< wpa81)) (&& (< net45) (>= netstandard13) (< monotouch) (< xamarinios) (< xamarinmac) (< win8) (< wpa81)) (>= dnxcore50)
    System.Diagnostics.DiagnosticSource (4.4) - redirects: force, restriction: || (&& (< net20) (>= netstandard13) (< netstandard16) (< monoandroid) (< win8) (< wpa81)) (&& (>= dnxcore50) (>= netstandard11)) (&& (>= dnxcore50) (>= netstandard13)) (&& (< netstandard13) (>= netstandard16)) (&& (>= netstandard16) (< monotouch) (< xamarinios) (< xamarinmac))
      System.Collections (>= 4.3) - restriction: || (&& (< net45) (>= netstandard11) (< netstandard13)) (&& (< net45) (>= netstandard13) (< netcore20) (< xamarinmac))
      System.Diagnostics.Debug (>= 4.3) - restriction: && (< net45) (>= netstandard13) (< netcore20) (< xamarinmac)
      System.Diagnostics.Tracing (>= 4.3) - restriction: || (&& (< net45) (>= netstandard11) (< netstandard13)) (&& (< net45) (>= netstandard13) (< netcore20) (< xamarinmac))
      System.Reflection (>= 4.3) - restriction: || (&& (< net45) (>= netstandard11) (< netstandard13)) (&& (< net45) (>= netstandard13) (< netcore20) (< xamarinmac))
      System.Runtime (>= 4.3) - restriction: || (&& (< net45) (>= netstandard11) (< netstandard13)) (&& (< net45) (>= netstandard13) (< netcore20) (< xamarinmac))
      System.Runtime.Extensions (>= 4.3) - restriction: && (< net45) (>= netstandard13) (< netcore20) (< xamarinmac)
      System.Threading (>= 4.3) - restriction: || (&& (< net45) (>= netstandard11) (< netstandard13)) (&& (< net45) (>= netstandard13) (< netcore20) (< xamarinmac))
    System.Diagnostics.Tools (4.3) - redirects: force, restriction: || (&& (< net20) (>= netstandard10) (< netstandard13)) (&& (< net20) (>= netstandard13)) (&& (>= dnxcore50) (>= netstandard10)) (&& (>= dnxcore50) (>= netstandard13))
      Microsoft.NETCore.Platforms (>= 1.1) - restriction: || (&& (< net45) (>= netstandard10) (< monotouch) (< xamarinios) (< xamarinmac) (< win8) (< wp8) (< wpa81)) (>= dnxcore50)
      Microsoft.NETCore.Targets (>= 1.1) - restriction: || (&& (< net45) (>= netstandard10) (< monotouch) (< xamarinios) (< xamarinmac) (< win8) (< wp8) (< wpa81)) (>= dnxcore50)
      System.Runtime (>= 4.3) - restriction: || (&& (< net45) (>= netstandard10) (< monotouch) (< xamarinios) (< xamarinmac) (< win8) (< wp8) (< wpa81)) (>= dnxcore50)
    System.Diagnostics.Tracing (4.3) - redirects: force, restriction: || (&& (< net20) (>= netstandard11) (< netstandard13)) (&& (< net20) (>= netstandard13)) (&& (>= dnxcore50) (>= netstandard11)) (&& (>= dnxcore50) (>= netstandard13)) (&& (< netstandard13) (>= netstandard16)) (&& (>= netstandard16) (< monotouch) (< xamarinios) (< xamarinmac))
      Microsoft.NETCore.Platforms (>= 1.1) - restriction: || (&& (< net45) (>= netstandard11) (< netstandard12) (< monoandroid) (< win8)) (&& (< net45) (>= netstandard12) (< netstandard13) (< monoandroid) (< win8) (< wpa81)) (&& (< net45) (>= netstandard13) (< netstandard15) (< monoandroid) (< win8) (< wpa81)) (&& (< net45) (>= netstandard15) (< monotouch) (< xamarinios) (< xamarinmac)) (>= dnxcore50)
      Microsoft.NETCore.Targets (>= 1.1) - restriction: || (&& (< net45) (>= netstandard11) (< netstandard12) (< monoandroid) (< win8)) (&& (< net45) (>= netstandard12) (< netstandard13) (< monoandroid) (< win8) (< wpa81)) (&& (< net45) (>= netstandard13) (< netstandard15) (< monoandroid) (< win8) (< wpa81)) (&& (< net45) (>= netstandard15) (< monotouch) (< xamarinios) (< xamarinmac)) (>= dnxcore50)
      System.Runtime (>= 4.3) - restriction: || (&& (< net45) (>= netstandard11) (< netstandard12) (< monoandroid) (< win8)) (&& (< net45) (>= netstandard12) (< netstandard13) (< monoandroid) (< win8) (< wpa81)) (&& (< net45) (>= netstandard13) (< netstandard15) (< monoandroid) (< win8) (< wpa81)) (&& (< net45) (>= netstandard15) (< monotouch) (< xamarinios) (< xamarinmac)) (>= dnxcore50)
    System.Dynamic.Runtime (4.3) - redirects: force, restriction: || (&& (< net20) (>= netstandard10) (< netstandard13) (< monoandroid) (< win8) (< wp8)) (&& (< net20) (>= netstandard13) (< monotouch) (< xamarinios) (< xamarinmac) (< win8)) (&& (< net45) (>= netstandard10)) (&& (>= dnxcore50) (>= netstandard10)) (&& (>= dnxcore50) (>= netstandard13)) (&& (>= netstandard10) (>= win81)) (>= netcore10) (>= wpa81)
      System.Collections (>= 4.3) - restriction: || (&& (< net45) (>= netstandard13) (< monotouch) (< xamarinios) (< xamarinmac) (< win8) (< wpa81)) (>= dnxcore50)
      System.Diagnostics.Debug (>= 4.3) - restriction: || (&& (< net45) (>= netstandard13) (< monotouch) (< xamarinios) (< xamarinmac) (< win8) (< wpa81)) (>= dnxcore50)
      System.Linq (>= 4.3) - restriction: || (&& (< net45) (>= netstandard13) (< monotouch) (< xamarinios) (< xamarinmac) (< win8) (< wpa81)) (>= dnxcore50)
      System.Linq.Expressions (>= 4.3) - restriction: || (&& (< net45) (>= netstandard10) (< netstandard13) (< monoandroid) (< win8) (< wp8) (< wpa81)) (&& (< net45) (>= netstandard13) (< monotouch) (< xamarinios) (< xamarinmac) (< win8) (< wpa81)) (>= dnxcore50)
      System.ObjectModel (>= 4.3) - restriction: || (&& (< net45) (>= netstandard10) (< netstandard13) (< monoandroid) (< win8) (< wp8) (< wpa81)) (&& (< net45) (>= netstandard13) (< monotouch) (< xamarinios) (< xamarinmac) (< win8) (< wpa81)) (>= dnxcore50)
      System.Reflection (>= 4.3) - restriction: || (&& (< net45) (>= netstandard10) (< netstandard13) (< monoandroid) (< win8) (< wp8) (< wpa81)) (&& (< net45) (>= netstandard13) (< monotouch) (< xamarinios) (< xamarinmac) (< win8) (< wpa81)) (>= dnxcore50)
      System.Reflection.Emit (>= 4.3) - restriction: && (< net45) (>= netstandard13) (< monotouch) (< xamarinios) (< xamarinmac) (< win8) (< wpa81)
      System.Reflection.Emit.ILGeneration (>= 4.3) - restriction: && (< net45) (>= netstandard13) (< monotouch) (< xamarinios) (< xamarinmac) (< win8) (< wpa81)
      System.Reflection.Primitives (>= 4.3) - restriction: && (< net45) (>= netstandard13) (< monotouch) (< xamarinios) (< xamarinmac) (< win8) (< wpa81)
      System.Reflection.TypeExtensions (>= 4.3) - restriction: || (&& (< net45) (>= netstandard13) (< monotouch) (< xamarinios) (< xamarinmac) (< win8) (< wpa81)) (>= dnxcore50)
      System.Resources.ResourceManager (>= 4.3) - restriction: || (&& (< net45) (>= netstandard13) (< monotouch) (< xamarinios) (< xamarinmac) (< win8) (< wpa81)) (>= dnxcore50)
      System.Runtime (>= 4.3) - restriction: || (&& (< net45) (>= netstandard10) (< netstandard13) (< monoandroid) (< win8) (< wp8) (< wpa81)) (&& (< net45) (>= netstandard13) (< monotouch) (< xamarinios) (< xamarinmac) (< win8) (< wpa81)) (>= dnxcore50)
      System.Runtime.Extensions (>= 4.3) - restriction: || (&& (< net45) (>= netstandard13) (< monotouch) (< xamarinios) (< xamarinmac) (< win8) (< wpa81)) (>= dnxcore50)
      System.Threading (>= 4.3) - restriction: || (&& (< net45) (>= netstandard13) (< monotouch) (< xamarinios) (< xamarinmac) (< win8) (< wpa81)) (>= dnxcore50)
    System.Globalization (4.3) - redirects: force, restriction: || (&& (< net20) (>= net462)) (&& (< net20) (>= netstandard10) (< netstandard13)) (&& (< net20) (>= netstandard13)) (&& (< net20) (< netstandard13) (>= netstandard15)) (&& (< net20) (>= netstandard15) (< monotouch) (< xamarinios) (< xamarinmac)) (&& (>= dnxcore50) (>= netstandard10)) (&& (>= dnxcore50) (>= netstandard13)) (&& (>= dnxcore50) (>= netstandard16)) (&& (< netstandard13) (>= netstandard16)) (&& (>= netstandard16) (< monotouch) (< xamarinios) (< xamarinmac))
      Microsoft.NETCore.Platforms (>= 1.1) - restriction: || (&& (< net45) (>= netstandard10) (< netstandard13) (< monoandroid) (< win8) (< wp8) (< wpa81)) (&& (< net45) (>= netstandard13) (< monotouch) (< xamarinios) (< xamarinmac) (< win8) (< wpa81)) (>= dnxcore50)
      Microsoft.NETCore.Targets (>= 1.1) - restriction: || (&& (< net45) (>= netstandard10) (< netstandard13) (< monoandroid) (< win8) (< wp8) (< wpa81)) (&& (< net45) (>= netstandard13) (< monotouch) (< xamarinios) (< xamarinmac) (< win8) (< wpa81)) (>= dnxcore50)
      System.Runtime (>= 4.3) - restriction: || (&& (< net45) (>= netstandard10) (< netstandard13) (< monoandroid) (< win8) (< wp8) (< wpa81)) (&& (< net45) (>= netstandard13) (< monotouch) (< xamarinios) (< xamarinmac) (< win8) (< wpa81)) (>= dnxcore50)
    System.Globalization.Calendars (4.3) - redirects: force, restriction: || (&& (< net20) (>= netstandard13)) (&& (>= dnxcore50) (>= netstandard13)) (&& (>= netstandard16) (< monotouch) (< xamarinios) (< xamarinmac))
      Microsoft.NETCore.Platforms (>= 1.1) - restriction: && (< net46) (>= netstandard13) (< monotouch) (< xamarinios) (< xamarinmac)
      Microsoft.NETCore.Targets (>= 1.1) - restriction: && (< net46) (>= netstandard13) (< monotouch) (< xamarinios) (< xamarinmac)
      System.Globalization (>= 4.3) - restriction: && (< net46) (>= netstandard13) (< monotouch) (< xamarinios) (< xamarinmac)
      System.Runtime (>= 4.3) - restriction: && (< net46) (>= netstandard13) (< monotouch) (< xamarinios) (< xamarinmac)
    System.Globalization.Extensions (4.3) - redirects: force, restriction: || (&& (< net20) (< netstandard13) (>= netstandard15)) (&& (< net20) (>= netstandard15) (< monotouch) (< xamarinios) (< xamarinmac)) (&& (< netstandard13) (>= netstandard16)) (&& (>= netstandard16) (< monotouch) (< xamarinios) (< xamarinmac))
      Microsoft.NETCore.Platforms (>= 1.1) - restriction: && (< net46) (>= netstandard13) (< monotouch) (< xamarinios) (< xamarinmac)
      System.Globalization (>= 4.3) - restriction: && (< net46) (>= netstandard13) (< monotouch) (< xamarinios) (< xamarinmac)
      System.Resources.ResourceManager (>= 4.3) - restriction: && (< net46) (>= netstandard13) (< monotouch) (< xamarinios) (< xamarinmac)
      System.Runtime (>= 4.3) - restriction: && (< net46) (>= netstandard13) (< monotouch) (< xamarinios) (< xamarinmac)
      System.Runtime.Extensions (>= 4.3) - restriction: && (< net46) (>= netstandard13) (< monotouch) (< xamarinios) (< xamarinmac)
      System.Runtime.InteropServices (>= 4.3) - restriction: && (< net46) (>= netstandard13) (< monotouch) (< xamarinios) (< xamarinmac)
    System.IO (4.3) - redirects: force, restriction: || (&& (< net20) (>= net463)) (&& (< net20) (>= netstandard10) (< netstandard13)) (&& (< net20) (>= netstandard11) (< netstandard13) (< monoandroid) (< win8) (< wpa81)) (&& (< net20) (>= netstandard13)) (&& (< net20) (< netstandard13) (>= netstandard15)) (&& (< net20) (>= netstandard14) (< netstandard16) (< monoandroid)) (&& (< net20) (>= netstandard15) (< monotouch) (< xamarinios) (< xamarinmac)) (&& (>= dnxcore50) (>= netstandard10)) (&& (>= dnxcore50) (>= netstandard11)) (&& (>= dnxcore50) (>= netstandard13)) (&& (>= dnxcore50) (>= netstandard15)) (&& (>= dnxcore50) (>= netstandard16)) (&& (< netstandard13) (>= netstandard16)) (&& (>= netstandard16) (< monotouch) (< xamarinios) (< xamarinmac))
      Microsoft.NETCore.Platforms (>= 1.1) - restriction: || (&& (< net45) (>= netstandard10) (< netstandard13) (< monoandroid) (< win8) (< wp8) (< wpa81)) (&& (< net45) (>= netstandard13) (< netstandard15) (< monoandroid) (< win8) (< wpa81)) (&& (< net45) (>= netstandard15) (< monotouch) (< xamarinios) (< xamarinmac)) (>= dnxcore50)
      Microsoft.NETCore.Targets (>= 1.1) - restriction: || (&& (< net45) (>= netstandard10) (< netstandard13) (< monoandroid) (< win8) (< wp8) (< wpa81)) (&& (< net45) (>= netstandard13) (< netstandard15) (< monoandroid) (< win8) (< wpa81)) (&& (< net45) (>= netstandard15) (< monotouch) (< xamarinios) (< xamarinmac)) (>= dnxcore50)
      System.Runtime (>= 4.3) - restriction: || (&& (< net45) (>= netstandard10) (< netstandard13) (< monoandroid) (< win8) (< wp8) (< wpa81)) (&& (< net45) (>= netstandard13) (< netstandard15) (< monoandroid) (< win8) (< wpa81)) (&& (< net45) (>= netstandard15) (< monotouch) (< xamarinios) (< xamarinmac)) (>= dnxcore50)
      System.Text.Encoding (>= 4.3) - restriction: || (&& (< net45) (>= netstandard10) (< netstandard13) (< monoandroid) (< win8) (< wp8) (< wpa81)) (&& (< net45) (>= netstandard13) (< netstandard15) (< monoandroid) (< win8) (< wpa81)) (&& (< net45) (>= netstandard15) (< monotouch) (< xamarinios) (< xamarinmac)) (>= dnxcore50)
      System.Threading.Tasks (>= 4.3) - restriction: || (&& (< net45) (>= netstandard10) (< netstandard13) (< monoandroid) (< win8) (< wp8) (< wpa81)) (&& (< net45) (>= netstandard13) (< netstandard15) (< monoandroid) (< win8) (< wpa81)) (&& (< net45) (>= netstandard15) (< monotouch) (< xamarinios) (< xamarinmac)) (>= dnxcore50)
    System.IO.Compression (4.3) - redirects: force, restriction: || (&& (< net20) (>= netstandard11) (< netstandard13)) (&& (< net20) (>= netstandard13))
      Microsoft.NETCore.Platforms (>= 1.1) - restriction: && (< net45) (>= netstandard13) (< monotouch) (< xamarinios) (< xamarinmac) (< win8) (< wpa81)
      runtime.native.System (>= 4.3) - restriction: && (< net45) (>= netstandard13) (< monotouch) (< xamarinios) (< xamarinmac) (< win8) (< wpa81)
      runtime.native.System.IO.Compression (>= 4.3) - restriction: || (&& (< net45) (>= netstandard13) (< monotouch) (< xamarinios) (< xamarinmac) (< win8) (< wpa81)) (>= dnxcore50)
      System.Buffers (>= 4.3) - restriction: || (&& (< net45) (>= netstandard13) (< monotouch) (< xamarinios) (< xamarinmac) (< win8) (< wpa81)) (>= dnxcore50)
      System.Collections (>= 4.3) - restriction: || (&& (< net45) (>= netstandard13) (< monotouch) (< xamarinios) (< xamarinmac) (< win8) (< wpa81)) (>= dnxcore50)
      System.Diagnostics.Debug (>= 4.3) - restriction: || (&& (< net45) (>= netstandard13) (< monotouch) (< xamarinios) (< xamarinmac) (< win8) (< wpa81)) (>= dnxcore50)
      System.IO (>= 4.3) - restriction: || (&& (< net45) (>= netstandard11) (< netstandard13) (< monoandroid) (< win8) (< wpa81)) (&& (< net45) (>= netstandard13) (< monotouch) (< xamarinios) (< xamarinmac) (< win8) (< wpa81)) (>= dnxcore50)
      System.Resources.ResourceManager (>= 4.3) - restriction: || (&& (< net45) (>= netstandard13) (< monotouch) (< xamarinios) (< xamarinmac) (< win8) (< wpa81)) (>= dnxcore50)
      System.Runtime (>= 4.3) - restriction: || (&& (< net45) (>= netstandard11) (< netstandard13) (< monoandroid) (< win8) (< wpa81)) (&& (< net45) (>= netstandard13) (< monotouch) (< xamarinios) (< xamarinmac) (< win8) (< wpa81)) (>= dnxcore50)
      System.Runtime.Extensions (>= 4.3) - restriction: || (&& (< net45) (>= netstandard13) (< monotouch) (< xamarinios) (< xamarinmac) (< win8) (< wpa81)) (>= dnxcore50)
      System.Runtime.Handles (>= 4.3) - restriction: || (&& (< net45) (>= netstandard13) (< monotouch) (< xamarinios) (< xamarinmac) (< win8) (< wpa81)) (>= dnxcore50)
      System.Runtime.InteropServices (>= 4.3) - restriction: || (&& (< net45) (>= netstandard13) (< monotouch) (< xamarinios) (< xamarinmac) (< win8) (< wpa81)) (>= dnxcore50)
      System.Text.Encoding (>= 4.3) - restriction: || (&& (< net45) (>= netstandard11) (< netstandard13) (< monoandroid) (< win8) (< wpa81)) (&& (< net45) (>= netstandard13) (< monotouch) (< xamarinios) (< xamarinmac) (< win8) (< wpa81)) (>= dnxcore50)
      System.Threading (>= 4.3) - restriction: || (&& (< net45) (>= netstandard13) (< monotouch) (< xamarinios) (< xamarinmac) (< win8) (< wpa81)) (>= dnxcore50)
      System.Threading.Tasks (>= 4.3) - restriction: || (&& (< net45) (>= netstandard13) (< monotouch) (< xamarinios) (< xamarinmac) (< win8) (< wpa81)) (>= dnxcore50)
    System.IO.Compression.ZipFile (4.3) - redirects: force, restriction: && (< net20) (>= netstandard13)
      System.Buffers (>= 4.3) - restriction: && (< net46) (>= netstandard13) (< monotouch) (< xamarinios) (< xamarinmac)
      System.IO (>= 4.3) - restriction: && (< net46) (>= netstandard13) (< monotouch) (< xamarinios) (< xamarinmac)
      System.IO.Compression (>= 4.3) - restriction: && (< net46) (>= netstandard13) (< monotouch) (< xamarinios) (< xamarinmac)
      System.IO.FileSystem (>= 4.3) - restriction: && (< net46) (>= netstandard13) (< monotouch) (< xamarinios) (< xamarinmac)
      System.IO.FileSystem.Primitives (>= 4.3) - restriction: && (< net46) (>= netstandard13) (< monotouch) (< xamarinios) (< xamarinmac)
      System.Resources.ResourceManager (>= 4.3) - restriction: && (< net46) (>= netstandard13) (< monotouch) (< xamarinios) (< xamarinmac)
      System.Runtime (>= 4.3) - restriction: && (< net46) (>= netstandard13) (< monotouch) (< xamarinios) (< xamarinmac)
      System.Runtime.Extensions (>= 4.3) - restriction: && (< net46) (>= netstandard13) (< monotouch) (< xamarinios) (< xamarinmac)
      System.Text.Encoding (>= 4.3) - restriction: && (< net46) (>= netstandard13) (< monotouch) (< xamarinios) (< xamarinmac)
    System.IO.FileSystem (4.3) - redirects: force, restriction: || (&& (< net20) (>= netstandard13)) (&& (>= dnxcore50) (>= netstandard10)) (&& (>= dnxcore50) (>= netstandard13)) (&& (< netstandard13) (>= netstandard16)) (&& (>= netstandard16) (< monotouch) (< xamarinios) (< xamarinmac))
      Microsoft.NETCore.Platforms (>= 1.1) - restriction: && (< net46) (>= netstandard13) (< monotouch) (< xamarinios) (< xamarinmac)
      Microsoft.NETCore.Targets (>= 1.1) - restriction: && (< net46) (>= netstandard13) (< monotouch) (< xamarinios) (< xamarinmac)
      System.IO (>= 4.3) - restriction: && (< net46) (>= netstandard13) (< monotouch) (< xamarinios) (< xamarinmac)
      System.IO.FileSystem.Primitives (>= 4.3) - restriction: || (>= net46) (&& (>= netstandard13) (< monotouch) (< xamarinios) (< xamarinmac))
      System.Runtime (>= 4.3) - restriction: && (< net46) (>= netstandard13) (< monotouch) (< xamarinios) (< xamarinmac)
      System.Runtime.Handles (>= 4.3) - restriction: && (< net46) (>= netstandard13) (< monotouch) (< xamarinios) (< xamarinmac)
      System.Text.Encoding (>= 4.3) - restriction: && (< net46) (>= netstandard13) (< monotouch) (< xamarinios) (< xamarinmac)
      System.Threading.Tasks (>= 4.3) - restriction: && (< net46) (>= netstandard13) (< monotouch) (< xamarinios) (< xamarinmac)
    System.IO.FileSystem.Primitives (4.3) - redirects: force, restriction: || (&& (< net20) (>= net46)) (&& (< net20) (>= netstandard13)) (&& (>= dnxcore50) (>= netstandard10)) (&& (>= dnxcore50) (>= netstandard13)) (&& (>= netstandard16) (< monotouch) (< xamarinios) (< xamarinmac))
      System.Runtime (>= 4.3) - restriction: && (< net46) (>= netstandard13) (< monotouch) (< xamarinios) (< xamarinmac)
    System.Linq (4.3) - redirects: force, restriction: || (&& (< net20) (>= netstandard10) (< netstandard13)) (&& (< net20) (>= netstandard13)) (&& (< net20) (< netstandard13) (>= netstandard15)) (&& (< net20) (>= netstandard15) (< monotouch) (< xamarinios) (< xamarinmac)) (&& (>= dnxcore50) (>= netstandard10)) (&& (>= dnxcore50) (>= netstandard13)) (&& (>= dnxcore50) (>= netstandard16)) (&& (< netstandard13) (>= netstandard16) (< monoandroid)) (&& (>= netstandard16) (< monotouch) (< xamarinios) (< xamarinmac))
      System.Collections (>= 4.3) - restriction: || (&& (< net45) (>= netstandard10) (< netstandard16) (< monoandroid) (< win8) (< wp8) (< wpa81)) (>= dnxcore50) (&& (>= netstandard16) (< monotouch) (< xamarinios) (< xamarinmac))
      System.Diagnostics.Debug (>= 4.3) - restriction: || (>= dnxcore50) (&& (>= netstandard16) (< monotouch) (< xamarinios) (< xamarinmac))
      System.Resources.ResourceManager (>= 4.3) - restriction: || (>= dnxcore50) (&& (>= netstandard16) (< monotouch) (< xamarinios) (< xamarinmac))
      System.Runtime (>= 4.3) - restriction: || (&& (< net45) (>= netstandard10) (< netstandard16) (< monoandroid) (< win8) (< wp8) (< wpa81)) (>= dnxcore50) (&& (>= netstandard16) (< monotouch) (< xamarinios) (< xamarinmac))
      System.Runtime.Extensions (>= 4.3) - restriction: || (>= dnxcore50) (&& (>= netstandard16) (< monotouch) (< xamarinios) (< xamarinmac))
    System.Linq.Expressions (4.3) - redirects: force, restriction: || (&& (< net20) (>= netstandard10) (< netstandard13)) (&& (< net20) (>= netstandard13)) (&& (>= dnxcore50) (>= netstandard10)) (&& (>= dnxcore50) (>= netstandard13))
      System.Collections (>= 4.3) - restriction: || (>= dnxcore50) (&& (>= netstandard16) (< monotouch) (< xamarinios) (< xamarinmac))
      System.Diagnostics.Debug (>= 4.3) - restriction: || (>= dnxcore50) (&& (>= netstandard16) (< monotouch) (< xamarinios) (< xamarinmac))
      System.Globalization (>= 4.3) - restriction: || (>= dnxcore50) (&& (>= netstandard16) (< monotouch) (< xamarinios) (< xamarinmac))
      System.IO (>= 4.3) - restriction: || (>= dnxcore50) (&& (>= netstandard16) (< monotouch) (< xamarinios) (< xamarinmac))
      System.Linq (>= 4.3) - restriction: || (>= dnxcore50) (&& (>= netstandard16) (< monotouch) (< xamarinios) (< xamarinmac))
      System.ObjectModel (>= 4.3) - restriction: && (>= netstandard16) (< monotouch) (< xamarinios) (< xamarinmac)
      System.Reflection (>= 4.3) - restriction: || (&& (< net45) (>= netstandard10) (< netstandard13) (< monoandroid) (< win8) (< wp8) (< wpa81)) (&& (< net45) (>= netstandard13) (< netstandard16) (< monoandroid) (< win8) (< wpa81)) (>= dnxcore50) (&& (>= netstandard16) (< monotouch) (< xamarinios) (< xamarinmac))
      System.Reflection.Emit (>= 4.3) - restriction: && (>= netstandard16) (< monotouch) (< xamarinios) (< xamarinmac)
      System.Reflection.Emit.ILGeneration (>= 4.3) - restriction: || (>= dnxcore50) (&& (>= netstandard16) (< monotouch) (< xamarinios) (< xamarinmac))
      System.Reflection.Emit.Lightweight (>= 4.3) - restriction: || (>= dnxcore50) (&& (>= netstandard16) (< monotouch) (< xamarinios) (< xamarinmac))
      System.Reflection.Extensions (>= 4.3) - restriction: || (>= dnxcore50) (&& (>= netstandard16) (< monotouch) (< xamarinios) (< xamarinmac))
      System.Reflection.Primitives (>= 4.3) - restriction: || (>= dnxcore50) (&& (>= netstandard16) (< monotouch) (< xamarinios) (< xamarinmac))
      System.Reflection.TypeExtensions (>= 4.3) - restriction: || (>= dnxcore50) (&& (>= netstandard16) (< monotouch) (< xamarinios) (< xamarinmac))
      System.Resources.ResourceManager (>= 4.3) - restriction: || (>= dnxcore50) (&& (>= netstandard16) (< monotouch) (< xamarinios) (< xamarinmac))
      System.Runtime (>= 4.3) - restriction: || (&& (< net45) (>= netstandard10) (< netstandard13) (< monoandroid) (< win8) (< wp8) (< wpa81)) (&& (< net45) (>= netstandard13) (< netstandard16) (< monoandroid) (< win8) (< wpa81)) (>= dnxcore50) (&& (>= netstandard16) (< monotouch) (< xamarinios) (< xamarinmac))
      System.Runtime.Extensions (>= 4.3) - restriction: || (>= dnxcore50) (&& (>= netstandard16) (< monotouch) (< xamarinios) (< xamarinmac))
      System.Threading (>= 4.3) - restriction: || (>= dnxcore50) (&& (>= netstandard16) (< monotouch) (< xamarinios) (< xamarinmac))
    System.Net.Http (4.3.2) - redirects: force, restriction: || (&& (< net20) (>= netstandard11) (< netstandard13)) (&& (< net20) (>= netstandard13))
      Microsoft.NETCore.Platforms (>= 1.1) - restriction: || (&& (< net45) (>= netstandard13) (< netstandard16) (< monoandroid) (< win8) (< wpa81)) (>= dnxcore50) (&& (>= netstandard16) (< monotouch) (< xamarinios) (< xamarinmac))
      Microsoft.Win32.Primitives (>= 4.3) - restriction: && (< net45) (>= netstandard13) (< netstandard16) (< monoandroid) (< win8) (< wpa81)
      runtime.native.System (>= 4.3) - restriction: && (>= netstandard16) (< monotouch) (< xamarinios) (< xamarinmac)
      runtime.native.System.Net.Http (>= 4.3) - restriction: && (>= netstandard16) (< monotouch) (< xamarinios) (< xamarinmac)
      runtime.native.System.Security.Cryptography.OpenSsl (>= 4.3) - restriction: && (>= netstandard16) (< monotouch) (< xamarinios) (< xamarinmac)
      System.Collections (>= 4.3) - restriction: || (&& (< net45) (>= netstandard13) (< netstandard16) (< monoandroid) (< win8) (< wpa81)) (>= dnxcore50) (&& (>= netstandard16) (< monotouch) (< xamarinios) (< xamarinmac))
      System.Diagnostics.Debug (>= 4.3) - restriction: || (&& (< net45) (>= netstandard13) (< netstandard16) (< monoandroid) (< win8) (< wpa81)) (>= dnxcore50) (&& (>= netstandard16) (< monotouch) (< xamarinios) (< xamarinmac))
      System.Diagnostics.DiagnosticSource (>= 4.3) - restriction: || (&& (< net45) (>= netstandard13) (< netstandard16) (< monoandroid) (< win8) (< wpa81)) (>= dnxcore50) (&& (>= netstandard16) (< monotouch) (< xamarinios) (< xamarinmac))
      System.Diagnostics.Tracing (>= 4.3) - restriction: || (&& (< net45) (>= netstandard13) (< netstandard16) (< monoandroid) (< win8) (< wpa81)) (>= dnxcore50) (&& (>= netstandard16) (< monotouch) (< xamarinios) (< xamarinmac))
      System.Globalization (>= 4.3) - restriction: || (&& (< net45) (>= netstandard13) (< netstandard16) (< monoandroid) (< win8) (< wpa81)) (>= dnxcore50) (&& (>= netstandard16) (< monotouch) (< xamarinios) (< xamarinmac))
      System.Globalization.Extensions (>= 4.3) - restriction: && (>= netstandard16) (< monotouch) (< xamarinios) (< xamarinmac)
      System.IO (>= 4.3) - restriction: || (&& (< net45) (>= netstandard11) (< netstandard13) (< monoandroid) (< win8) (< wpa81)) (&& (< net45) (>= netstandard13) (< netstandard16) (< monoandroid) (< win8) (< wpa81)) (>= dnxcore50) (&& (>= netstandard16) (< monotouch) (< xamarinios) (< xamarinmac))
      System.IO.Compression (>= 4.3) - restriction: && (< net45) (>= netstandard13) (< netstandard16) (< monoandroid) (< win8) (< wpa81)
      System.IO.FileSystem (>= 4.3) - restriction: && (>= netstandard16) (< monotouch) (< xamarinios) (< xamarinmac)
      System.Net.Primitives (>= 4.3) - restriction: || (&& (< net45) (>= netstandard11) (< netstandard13) (< monoandroid) (< win8) (< wpa81)) (&& (< net45) (>= netstandard13) (< netstandard16) (< monoandroid) (< win8) (< wpa81)) (>= dnxcore50) (&& (>= netstandard16) (< monotouch) (< xamarinios) (< xamarinmac))
      System.Resources.ResourceManager (>= 4.3) - restriction: || (&& (< net45) (>= netstandard13) (< netstandard16) (< monoandroid) (< win8) (< wpa81)) (>= dnxcore50) (&& (>= netstandard16) (< monotouch) (< xamarinios) (< xamarinmac))
      System.Runtime (>= 4.3) - restriction: || (&& (< net45) (>= netstandard11) (< netstandard13) (< monoandroid) (< win8) (< wpa81)) (&& (< net45) (>= netstandard13) (< netstandard16) (< monoandroid) (< win8) (< wpa81)) (>= dnxcore50) (&& (>= netstandard16) (< monotouch) (< xamarinios) (< xamarinmac))
      System.Runtime.Extensions (>= 4.3) - restriction: || (&& (< net45) (>= netstandard13) (< netstandard16) (< monoandroid) (< win8) (< wpa81)) (>= dnxcore50) (&& (>= netstandard16) (< monotouch) (< xamarinios) (< xamarinmac))
      System.Runtime.Handles (>= 4.3) - restriction: || (&& (< net45) (>= netstandard13) (< netstandard16) (< monoandroid) (< win8) (< wpa81)) (&& (>= netstandard16) (< monotouch) (< xamarinios) (< xamarinmac))
      System.Runtime.InteropServices (>= 4.3) - restriction: || (&& (< net45) (>= netstandard13) (< netstandard16) (< monoandroid) (< win8) (< wpa81)) (>= dnxcore50) (&& (>= netstandard16) (< monotouch) (< xamarinios) (< xamarinmac))
      System.Security.Cryptography.Algorithms (>= 4.3) - restriction: && (>= netstandard16) (< monotouch) (< xamarinios) (< xamarinmac)
      System.Security.Cryptography.Encoding (>= 4.3) - restriction: || (&& (< net45) (>= netstandard13) (< netstandard16) (< monoandroid) (< win8) (< wpa81)) (&& (>= netstandard16) (< monotouch) (< xamarinios) (< xamarinmac))
      System.Security.Cryptography.OpenSsl (>= 4.3) - restriction: && (>= netstandard16) (< monotouch) (< xamarinios) (< xamarinmac)
      System.Security.Cryptography.Primitives (>= 4.3) - restriction: && (>= netstandard16) (< monotouch) (< xamarinios) (< xamarinmac)
      System.Security.Cryptography.X509Certificates (>= 4.3) - restriction: || (&& (< net45) (>= netstandard13) (< netstandard16) (< monoandroid) (< win8) (< wpa81)) (>= net46) (>= dnxcore50) (&& (>= netstandard16) (< monotouch) (< xamarinios) (< xamarinmac))
      System.Text.Encoding (>= 4.3) - restriction: || (&& (< net45) (>= netstandard11) (< netstandard13) (< monoandroid) (< win8) (< wpa81)) (&& (< net45) (>= netstandard13) (< netstandard16) (< monoandroid) (< win8) (< wpa81)) (>= dnxcore50) (&& (>= netstandard16) (< monotouch) (< xamarinios) (< xamarinmac))
      System.Threading (>= 4.3) - restriction: || (&& (< net45) (>= netstandard13) (< netstandard16) (< monoandroid) (< win8) (< wpa81)) (>= dnxcore50) (&& (>= netstandard16) (< monotouch) (< xamarinios) (< xamarinmac))
      System.Threading.Tasks (>= 4.3) - restriction: || (&& (< net45) (>= netstandard11) (< netstandard13) (< monoandroid) (< win8) (< wpa81)) (&& (< net45) (>= netstandard13) (< netstandard16) (< monoandroid) (< win8) (< wpa81)) (>= dnxcore50) (&& (>= netstandard16) (< monotouch) (< xamarinios) (< xamarinmac))
    System.Net.Primitives (4.3) - redirects: force, restriction: || (&& (< net20) (>= netstandard10) (< netstandard13)) (&& (< net20) (>= netstandard11) (< netstandard13) (< monoandroid) (< win8) (< wpa81)) (&& (< net20) (>= netstandard13)) (&& (>= dnxcore50) (>= netstandard11)) (&& (>= dnxcore50) (>= netstandard13)) (&& (< netstandard13) (>= netstandard16)) (&& (>= netstandard16) (< monotouch) (< xamarinios) (< xamarinmac))
      Microsoft.NETCore.Platforms (>= 1.1) - restriction: || (&& (< net45) (>= netstandard11) (< netstandard13) (< monoandroid) (< win8) (< wpa81)) (&& (< net45) (>= netstandard13) (< monotouch) (< xamarinios) (< xamarinmac) (< win8) (< wpa81)) (>= dnxcore50) (&& (>= netstandard10) (< netstandard11) (< monoandroid) (< win8) (< wp8))
      Microsoft.NETCore.Targets (>= 1.1) - restriction: || (&& (< net45) (>= netstandard11) (< netstandard13) (< monoandroid) (< win8) (< wpa81)) (&& (< net45) (>= netstandard13) (< monotouch) (< xamarinios) (< xamarinmac) (< win8) (< wpa81)) (>= dnxcore50) (&& (>= netstandard10) (< netstandard11) (< monoandroid) (< win8) (< wp8))
      System.Runtime (>= 4.3) - restriction: || (&& (< net45) (>= netstandard11) (< netstandard13) (< monoandroid) (< win8) (< wpa81)) (&& (< net45) (>= netstandard13) (< monotouch) (< xamarinios) (< xamarinmac) (< win8) (< wpa81)) (>= dnxcore50) (&& (>= netstandard10) (< netstandard11) (< monoandroid) (< win8) (< wp8))
      System.Runtime.Handles (>= 4.3) - restriction: || (&& (< net45) (>= netstandard13) (< monotouch) (< xamarinios) (< xamarinmac) (< win8) (< wpa81)) (>= dnxcore50)
    System.Net.Sockets (4.3) - redirects: force, restriction: && (< net20) (>= netstandard13)
      Microsoft.NETCore.Platforms (>= 1.1) - restriction: && (< net46) (>= netstandard13) (< monotouch) (< xamarinios) (< xamarinmac)
      Microsoft.NETCore.Targets (>= 1.1) - restriction: && (< net46) (>= netstandard13) (< monotouch) (< xamarinios) (< xamarinmac)
      System.IO (>= 4.3) - restriction: && (< net46) (>= netstandard13) (< monotouch) (< xamarinios) (< xamarinmac)
      System.Net.Primitives (>= 4.3) - restriction: && (< net46) (>= netstandard13) (< monotouch) (< xamarinios) (< xamarinmac)
      System.Runtime (>= 4.3) - restriction: && (< net46) (>= netstandard13) (< monotouch) (< xamarinios) (< xamarinmac)
      System.Threading.Tasks (>= 4.3) - restriction: && (< net46) (>= netstandard13) (< monotouch) (< xamarinios) (< xamarinmac)
    System.ObjectModel (4.3) - redirects: force, restriction: || (&& (< net20) (>= netstandard10) (< netstandard13)) (&& (< net20) (>= netstandard13)) (&& (>= dnxcore50) (>= netstandard10)) (&& (>= dnxcore50) (>= netstandard13)) (&& (>= dnxcore50) (>= netstandard16)) (&& (< netstandard13) (>= netstandard16) (< monoandroid)) (&& (>= netstandard16) (< monotouch) (< xamarinios) (< xamarinmac))
      System.Collections (>= 4.3) - restriction: || (&& (< net45) (>= netstandard13) (< monotouch) (< xamarinios) (< xamarinmac) (< win8) (< wpa81)) (>= dnxcore50)
      System.Diagnostics.Debug (>= 4.3) - restriction: || (&& (< net45) (>= netstandard13) (< monotouch) (< xamarinios) (< xamarinmac) (< win8) (< wpa81)) (>= dnxcore50)
      System.Resources.ResourceManager (>= 4.3) - restriction: || (&& (< net45) (>= netstandard13) (< monotouch) (< xamarinios) (< xamarinmac) (< win8) (< wpa81)) (>= dnxcore50)
      System.Runtime (>= 4.3) - restriction: || (&& (< net45) (>= netstandard10) (< netstandard13) (< monoandroid) (< win8) (< wp8) (< wpa81)) (&& (< net45) (>= netstandard13) (< monotouch) (< xamarinios) (< xamarinmac) (< win8) (< wpa81)) (>= dnxcore50)
      System.Threading (>= 4.3) - restriction: || (&& (< net45) (>= netstandard13) (< monotouch) (< xamarinios) (< xamarinmac) (< win8) (< wpa81)) (>= dnxcore50)
    System.Reactive (3.1.1)
      System.Reactive.PlatformServices (>= 3.1.1)
      System.Reactive.Windows.Threading (>= 3.1.1) - restriction: || (>= net45) (>= win81) (>= wpa81)
      System.Reactive.WindowsRuntime (>= 3.1.1) - restriction: || (>= win81) (>= wpa81)
    System.Reactive.Core (3.1.1) - restriction: || (>= netstandard10) (>= win81)
      System.ComponentModel (>= 4.0.1) - restriction: || (&& (< net45) (>= netstandard10)) (>= netcore10)
      System.Diagnostics.Contracts (>= 4.0.1) - restriction: || (&& (< net45) (>= netstandard10)) (>= netcore10)
      System.Dynamic.Runtime (>= 4.0.11) - restriction: || (&& (< net45) (>= netstandard10)) (>= netcore10)
      System.Reactive.Interfaces (>= 3.1.1) - restriction: >= netstandard10
    System.Reactive.Interfaces (3.1.1) - restriction: >= netstandard10
      NETStandard.Library (>= 1.6) - restriction: && (< net45) (>= netstandard10)
    System.Reactive.Linq (3.1.1)
      System.Reactive.Core (>= 3.1.1) - restriction: >= netstandard10
      System.Runtime.InteropServices.WindowsRuntime (>= 4.0.1) - restriction: && (< net45) (>= netstandard10)
    System.Reactive.PlatformServices (3.1.1)
      System.Reactive.Linq (>= 3.1.1)
    System.Reactive.Windows.Threading (3.1.1) - restriction: || (>= net45) (>= win81) (>= wpa81)
      System.Reactive.Core (>= 3.1.1)
    System.Reactive.WindowsRuntime (3.1.1) - restriction: || (>= win81) (>= wpa81)
      System.Reactive.Linq (>= 3.1.1)
    System.Reflection (4.3) - redirects: force, restriction: || (&& (< net20) (>= netstandard10) (< netstandard13)) (&& (< net20) (>= netstandard11) (< netstandard12) (< monoandroid) (< win8)) (&& (< net20) (>= netstandard11) (< netstandard13) (< win8) (< wpa81)) (&& (< net20) (>= netstandard12) (< netstandard13) (< monoandroid) (< win8) (< wpa81)) (&& (< net20) (>= netstandard13)) (&& (< net20) (< netstandard13) (>= netstandard15)) (&& (< net20) (>= netstandard14) (< monotouch) (< xamarinios) (< xamarinmac)) (&& (< net20) (>= netstandard15) (< monotouch) (< xamarinios) (< xamarinmac)) (&& (>= dnxcore50) (>= netstandard10)) (&& (>= dnxcore50) (>= netstandard11)) (&& (>= dnxcore50) (>= netstandard12)) (&& (>= dnxcore50) (>= netstandard13)) (&& (>= dnxcore50) (>= netstandard15)) (&& (>= dnxcore50) (>= netstandard16)) (&& (< netstandard13) (>= netstandard16)) (&& (>= netstandard16) (< monotouch) (< xamarinios) (< xamarinmac)) (>= netcore11)
      Microsoft.NETCore.Platforms (>= 1.1) - restriction: || (&& (< net45) (>= netstandard10) (< netstandard13) (< monoandroid) (< win8) (< wp8) (< wpa81)) (&& (< net45) (>= netstandard13) (< netstandard15) (< monoandroid) (< win8) (< wpa81)) (&& (< net45) (>= netstandard15) (< monotouch) (< xamarinios) (< xamarinmac)) (>= dnxcore50)
      Microsoft.NETCore.Targets (>= 1.1) - restriction: || (&& (< net45) (>= netstandard10) (< netstandard13) (< monoandroid) (< win8) (< wp8) (< wpa81)) (&& (< net45) (>= netstandard13) (< netstandard15) (< monoandroid) (< win8) (< wpa81)) (&& (< net45) (>= netstandard15) (< monotouch) (< xamarinios) (< xamarinmac)) (>= dnxcore50)
      System.IO (>= 4.3) - restriction: || (&& (< net45) (>= netstandard10) (< netstandard13) (< monoandroid) (< win8) (< wp8) (< wpa81)) (&& (< net45) (>= netstandard13) (< netstandard15) (< monoandroid) (< win8) (< wpa81)) (&& (< net45) (>= netstandard15) (< monotouch) (< xamarinios) (< xamarinmac)) (>= dnxcore50)
      System.Reflection.Primitives (>= 4.3) - restriction: || (&& (< net45) (>= netstandard10) (< netstandard13) (< monoandroid) (< win8) (< wp8) (< wpa81)) (&& (< net45) (>= netstandard13) (< netstandard15) (< monoandroid) (< win8) (< wpa81)) (&& (< net45) (>= netstandard15) (< monotouch) (< xamarinios) (< xamarinmac)) (>= dnxcore50)
      System.Runtime (>= 4.3) - restriction: || (&& (< net45) (>= netstandard10) (< netstandard13) (< monoandroid) (< win8) (< wp8) (< wpa81)) (&& (< net45) (>= netstandard13) (< netstandard15) (< monoandroid) (< win8) (< wpa81)) (&& (< net45) (>= netstandard15) (< monotouch) (< xamarinios) (< xamarinmac)) (>= dnxcore50)
    System.Reflection.Emit (4.3) - redirects: force, restriction: || (&& (< net20) (>= netstandard13) (< monotouch) (< xamarinios) (< xamarinmac) (< win8) (< wpa81)) (&& (>= dnxcore50) (>= netstandard13)) (&& (>= dnxcore50) (>= netstandard16)) (&& (< netstandard13) (>= netstandard16) (< monoandroid)) (&& (>= netstandard16) (< monotouch) (< xamarinios) (< xamarinmac))
      System.IO (>= 4.3) - restriction: && (< net45) (>= netstandard11) (< monotouch) (< xamarinios) (< xamarinmac)
      System.Reflection (>= 4.3) - restriction: && (< net45) (>= netstandard11) (< monotouch) (< xamarinios) (< xamarinmac)
      System.Reflection.Emit.ILGeneration (>= 4.3) - restriction: && (< net45) (>= netstandard11) (< monotouch) (< xamarinios) (< xamarinmac)
      System.Reflection.Primitives (>= 4.3) - restriction: && (< net45) (>= netstandard11) (< monotouch) (< xamarinios) (< xamarinmac)
      System.Runtime (>= 4.3) - restriction: && (< net45) (>= netstandard11) (< monotouch) (< xamarinios) (< xamarinmac)
    System.Reflection.Emit.ILGeneration (4.3) - redirects: force, restriction: || (&& (< net20) (>= netstandard13) (< monotouch) (< xamarinios) (< xamarinmac) (< win8) (< wpa81)) (&& (>= dnxcore50) (>= netstandard10)) (&& (>= dnxcore50) (>= netstandard13)) (&& (>= dnxcore50) (>= netstandard16)) (&& (< netstandard13) (>= netstandard16) (< monoandroid)) (&& (>= netstandard16) (< monotouch) (< xamarinios) (< xamarinmac))
      System.Reflection (>= 4.3) - restriction: && (< net45) (>= netstandard10) (< monotouch) (< xamarinios) (< xamarinmac) (< wp8)
      System.Reflection.Primitives (>= 4.3) - restriction: && (< net45) (>= netstandard10) (< monotouch) (< xamarinios) (< xamarinmac) (< wp8)
      System.Runtime (>= 4.3) - restriction: && (< net45) (>= netstandard10) (< monotouch) (< xamarinios) (< xamarinmac) (< wp8)
    System.Reflection.Emit.Lightweight (4.3) - redirects: force, restriction: || (&& (>= dnxcore50) (>= netstandard10)) (&& (>= dnxcore50) (>= netstandard13)) (&& (>= dnxcore50) (>= netstandard16)) (&& (< netstandard13) (>= netstandard16) (< monoandroid)) (&& (>= netstandard16) (< monotouch) (< xamarinios) (< xamarinmac))
      System.Reflection (>= 4.3) - restriction: && (< net45) (>= netstandard10) (< monotouch) (< xamarinios) (< xamarinmac) (< wp8)
      System.Reflection.Emit.ILGeneration (>= 4.3) - restriction: && (< net45) (>= netstandard10) (< monotouch) (< xamarinios) (< xamarinmac) (< wp8)
      System.Reflection.Primitives (>= 4.3) - restriction: && (< net45) (>= netstandard10) (< monotouch) (< xamarinios) (< xamarinmac) (< wp8)
      System.Runtime (>= 4.3) - restriction: && (< net45) (>= netstandard10) (< monotouch) (< xamarinios) (< xamarinmac) (< wp8)
    System.Reflection.Extensions (4.3) - redirects: force, restriction: || (&& (< net20) (>= netstandard10) (< netstandard13)) (&& (< net20) (>= netstandard11) (< netstandard13) (< win8) (< wpa81)) (&& (< net20) (>= netstandard13)) (&& (< net20) (< netstandard13) (>= netstandard15)) (&& (< net20) (>= netstandard15) (< monotouch) (< xamarinios) (< xamarinmac)) (&& (>= dnxcore50) (>= netstandard10)) (&& (>= dnxcore50) (>= netstandard11)) (&& (>= dnxcore50) (>= netstandard13)) (&& (>= dnxcore50) (>= netstandard16)) (&& (< netstandard13) (>= netstandard16) (< monoandroid)) (&& (>= netstandard16) (< monotouch) (< xamarinios) (< xamarinmac))
      Microsoft.NETCore.Platforms (>= 1.1) - restriction: || (&& (< net45) (>= netstandard10) (< monotouch) (< xamarinios) (< xamarinmac) (< win8) (< wp8) (< wpa81)) (>= dnxcore50)
      Microsoft.NETCore.Targets (>= 1.1) - restriction: || (&& (< net45) (>= netstandard10) (< monotouch) (< xamarinios) (< xamarinmac) (< win8) (< wp8) (< wpa81)) (>= dnxcore50)
      System.Reflection (>= 4.3) - restriction: || (&& (< net45) (>= netstandard10) (< monotouch) (< xamarinios) (< xamarinmac) (< win8) (< wp8) (< wpa81)) (>= dnxcore50)
      System.Runtime (>= 4.3) - restriction: || (&& (< net45) (>= netstandard10) (< monotouch) (< xamarinios) (< xamarinmac) (< win8) (< wp8) (< wpa81)) (>= dnxcore50)
    System.Reflection.Primitives (4.3) - redirects: force, restriction: || (&& (< net20) (>= netstandard10) (< netstandard13)) (&& (< net20) (>= netstandard11) (< netstandard12) (< monoandroid) (< win8)) (&& (< net20) (>= netstandard12) (< netstandard13) (< monoandroid) (< win8) (< wpa81)) (&& (< net20) (>= netstandard13)) (&& (< net20) (< netstandard13) (>= netstandard15)) (&& (< net20) (>= netstandard15) (< monotouch) (< xamarinios) (< xamarinmac)) (&& (>= dnxcore50) (>= netstandard10)) (&& (>= dnxcore50) (>= netstandard11)) (&& (>= dnxcore50) (>= netstandard12)) (&& (>= dnxcore50) (>= netstandard13)) (&& (>= dnxcore50) (>= netstandard15)) (&& (>= dnxcore50) (>= netstandard16)) (&& (< netstandard13) (>= netstandard16) (< monoandroid)) (&& (>= netstandard16) (< monotouch) (< xamarinios) (< xamarinmac)) (>= netcore11)
      Microsoft.NETCore.Platforms (>= 1.1) - restriction: || (&& (< net45) (>= netstandard10) (< monotouch) (< xamarinios) (< xamarinmac) (< win8) (< wp8) (< wpa81)) (>= dnxcore50)
      Microsoft.NETCore.Targets (>= 1.1) - restriction: || (&& (< net45) (>= netstandard10) (< monotouch) (< xamarinios) (< xamarinmac) (< win8) (< wp8) (< wpa81)) (>= dnxcore50)
      System.Runtime (>= 4.3) - restriction: || (&& (< net45) (>= netstandard10) (< monotouch) (< xamarinios) (< xamarinmac) (< win8) (< wp8) (< wpa81)) (>= dnxcore50)
    System.Reflection.TypeExtensions (4.3) - redirects: force, restriction: || (&& (< net20) (>= netstandard13) (< monotouch) (< xamarinios) (< xamarinmac) (< win8) (< wpa81)) (&& (< net20) (< netstandard13) (>= netstandard15)) (&& (< net20) (>= netstandard15) (< monotouch) (< xamarinios) (< xamarinmac)) (&& (>= dnxcore50) (>= netstandard10)) (&& (>= dnxcore50) (>= netstandard13)) (&& (>= dnxcore50) (>= netstandard16)) (&& (< netstandard13) (>= netstandard16) (< monoandroid)) (&& (>= netstandard16) (< monotouch) (< xamarinios) (< xamarinmac))
      System.Reflection (>= 4.3) - restriction: || (&& (< net46) (>= netstandard13) (< netstandard15) (< monoandroid)) (&& (< net46) (>= netstandard15) (< monotouch) (< xamarinios) (< xamarinmac)) (>= net462) (>= dnxcore50)
      System.Runtime (>= 4.3) - restriction: || (&& (< net46) (>= netstandard13) (< netstandard15) (< monoandroid)) (&& (< net46) (>= netstandard15) (< monotouch) (< xamarinios) (< xamarinmac)) (>= dnxcore50)
    System.Resources.ResourceManager (4.3) - redirects: force, restriction: || (&& (< net20) (>= net45) (< netstandard13)) (&& (< net20) (>= net462)) (&& (< net20) (>= netstandard10) (< netstandard13)) (&& (< net20) (>= netstandard11) (< netstandard13) (< win8) (< wpa81)) (&& (< net20) (>= netstandard13)) (&& (< net20) (< netstandard13) (>= netstandard15)) (&& (< net20) (>= netstandard14) (< monotouch) (< xamarinios) (< xamarinmac)) (&& (< net20) (>= netstandard15) (< monotouch) (< xamarinios) (< xamarinmac)) (&& (>= dnxcore50) (>= netstandard10)) (&& (>= dnxcore50) (>= netstandard11)) (&& (>= dnxcore50) (>= netstandard13)) (&& (>= dnxcore50) (>= netstandard16)) (&& (< netstandard13) (>= netstandard16)) (&& (>= netstandard16) (< monotouch) (< xamarinios) (< xamarinmac))
      Microsoft.NETCore.Platforms (>= 1.1) - restriction: || (&& (< net45) (>= netstandard10) (< monotouch) (< xamarinios) (< xamarinmac) (< win8) (< wp8) (< wpa81)) (>= dnxcore50)
      Microsoft.NETCore.Targets (>= 1.1) - restriction: || (&& (< net45) (>= netstandard10) (< monotouch) (< xamarinios) (< xamarinmac) (< win8) (< wp8) (< wpa81)) (>= dnxcore50)
      System.Globalization (>= 4.3) - restriction: || (&& (< net45) (>= netstandard10) (< monotouch) (< xamarinios) (< xamarinmac) (< win8) (< wp8) (< wpa81)) (>= dnxcore50)
      System.Reflection (>= 4.3) - restriction: || (&& (< net45) (>= netstandard10) (< monotouch) (< xamarinios) (< xamarinmac) (< win8) (< wp8) (< wpa81)) (>= dnxcore50)
      System.Runtime (>= 4.3) - restriction: || (&& (< net45) (>= netstandard10) (< monotouch) (< xamarinios) (< xamarinmac) (< win8) (< wp8) (< wpa81)) (>= dnxcore50)
    System.Runtime (4.3) - redirects: force, restriction: || (&& (< net20) (>= net462)) (&& (< net20) (>= net463)) (&& (< net20) (>= netstandard10) (< netstandard13)) (&& (< net20) (>= netstandard11) (< netstandard12) (< monoandroid) (< win8)) (&& (< net20) (>= netstandard11) (< netstandard13) (< win8) (< wpa81)) (&& (< net20) (>= netstandard12) (< netstandard13) (< monoandroid) (< win8) (< wpa81)) (&& (< net20) (>= netstandard12) (< netstandard13) (< win81) (< wpa81)) (&& (< net20) (>= netstandard13)) (&& (< net20) (< netstandard13) (>= netstandard15)) (&& (< net20) (>= netstandard14) (< netstandard16) (< monoandroid)) (&& (< net20) (>= netstandard14) (< monotouch) (< xamarinios) (< xamarinmac)) (&& (< net20) (>= netstandard15) (< monotouch) (< xamarinios) (< xamarinmac)) (&& (>= net462) (>= dnxcore50)) (&& (>= net463) (>= netstandard16)) (&& (>= dnxcore50) (>= netstandard10)) (&& (>= dnxcore50) (>= netstandard11)) (&& (>= dnxcore50) (>= netstandard12)) (&& (>= dnxcore50) (>= netstandard13)) (&& (>= dnxcore50) (>= netstandard14)) (&& (>= dnxcore50) (>= netstandard15)) (&& (>= dnxcore50) (>= netstandard16)) (&& (< netstandard13) (>= netstandard16)) (&& (< netstandard14) (>= netstandard16)) (&& (>= netstandard16) (< monotouch) (< xamarinios) (< xamarinmac)) (>= netcore11)
      Microsoft.NETCore.Platforms (>= 1.1) - restriction: || (&& (< net45) (>= netstandard10) (< netstandard12) (< monoandroid) (< win8) (< wp8)) (&& (< net45) (>= netstandard12) (< netstandard13) (< monoandroid) (< win8) (< wpa81)) (&& (< net45) (>= netstandard13) (< netstandard15) (< monoandroid) (< win8) (< wpa81)) (&& (< net45) (>= netstandard15) (< monotouch) (< xamarinios) (< xamarinmac)) (>= dnxcore50)
      Microsoft.NETCore.Targets (>= 1.1) - restriction: || (&& (< net45) (>= netstandard10) (< netstandard12) (< monoandroid) (< win8) (< wp8)) (&& (< net45) (>= netstandard12) (< netstandard13) (< monoandroid) (< win8) (< wpa81)) (&& (< net45) (>= netstandard13) (< netstandard15) (< monoandroid) (< win8) (< wpa81)) (&& (< net45) (>= netstandard15) (< monotouch) (< xamarinios) (< xamarinmac)) (>= dnxcore50)
    System.Runtime.Extensions (4.3) - redirects: force, restriction: || (&& (< net20) (>= net462)) (&& (< net20) (>= netstandard10) (< netstandard13)) (&& (< net20) (>= netstandard13)) (&& (< net20) (< netstandard13) (>= netstandard15)) (&& (< net20) (>= netstandard15) (< monotouch) (< xamarinios) (< xamarinmac)) (&& (>= dnxcore50) (>= netstandard10)) (&& (>= dnxcore50) (>= netstandard13)) (&& (>= dnxcore50) (>= netstandard16)) (&& (< netstandard13) (>= netstandard16)) (&& (>= netstandard16) (< monotouch) (< xamarinios) (< xamarinmac))
      Microsoft.NETCore.Platforms (>= 1.1) - restriction: || (&& (< net45) (>= netstandard10) (< netstandard13) (< monoandroid) (< win8) (< wp8) (< wpa81)) (&& (< net45) (>= netstandard13) (< netstandard15) (< monoandroid) (< win8) (< wpa81)) (&& (< net45) (>= netstandard15) (< monotouch) (< xamarinios) (< xamarinmac)) (>= dnxcore50)
      Microsoft.NETCore.Targets (>= 1.1) - restriction: || (&& (< net45) (>= netstandard10) (< netstandard13) (< monoandroid) (< win8) (< wp8) (< wpa81)) (&& (< net45) (>= netstandard13) (< netstandard15) (< monoandroid) (< win8) (< wpa81)) (&& (< net45) (>= netstandard15) (< monotouch) (< xamarinios) (< xamarinmac)) (>= dnxcore50)
      System.Runtime (>= 4.3) - restriction: || (&& (< net45) (>= netstandard10) (< netstandard13) (< monoandroid) (< win8) (< wp8) (< wpa81)) (&& (< net45) (>= netstandard13) (< netstandard15) (< monoandroid) (< win8) (< wpa81)) (&& (< net45) (>= netstandard15) (< monotouch) (< xamarinios) (< xamarinmac)) (>= dnxcore50)
    System.Runtime.Handles (4.3) - redirects: force, restriction: || (&& (< net20) (>= netstandard13)) (&& (< net20) (>= netstandard14) (< netstandard16) (< monoandroid)) (&& (< net20) (>= netstandard15) (< monotouch) (< xamarinios) (< xamarinmac)) (&& (>= dnxcore50) (>= netstandard10)) (&& (>= dnxcore50) (>= netstandard11)) (&& (>= dnxcore50) (>= netstandard13)) (&& (>= dnxcore50) (>= netstandard15)) (&& (< netstandard13) (>= netstandard16)) (&& (>= netstandard16) (< monotouch) (< xamarinios) (< xamarinmac)) (>= netcore11)
      Microsoft.NETCore.Platforms (>= 1.1) - restriction: && (< net46) (>= netstandard13) (< monotouch) (< xamarinios) (< xamarinmac)
      Microsoft.NETCore.Targets (>= 1.1) - restriction: && (< net46) (>= netstandard13) (< monotouch) (< xamarinios) (< xamarinmac)
      System.Runtime (>= 4.3) - restriction: && (< net46) (>= netstandard13) (< monotouch) (< xamarinios) (< xamarinmac)
    System.Runtime.InteropServices (4.3) - redirects: force, restriction: || (&& (< net20) (>= netstandard11) (< netstandard13)) (&& (< net20) (>= netstandard13)) (&& (< net20) (< netstandard13) (>= netstandard15)) (&& (< net20) (>= netstandard15) (< monotouch) (< xamarinios) (< xamarinmac)) (&& (>= dnxcore50) (>= netstandard10)) (&& (>= dnxcore50) (>= netstandard13)) (&& (< netstandard13) (>= netstandard16)) (&& (>= netstandard16) (< monotouch) (< xamarinios) (< xamarinmac))
      Microsoft.NETCore.Platforms (>= 1.1) - restriction: || (&& (< net45) (>= netstandard11) (< netstandard12) (< monoandroid) (< win8)) (&& (< net45) (>= netstandard12) (< netstandard13) (< monoandroid) (< win8) (< wpa81)) (&& (< net45) (>= netstandard13) (< netstandard15) (< monoandroid) (< win8) (< wpa81)) (&& (< net45) (>= netstandard15) (< monotouch) (< xamarinios) (< xamarinmac)) (>= dnxcore50) (>= netcore11)
      Microsoft.NETCore.Targets (>= 1.1) - restriction: || (&& (< net45) (>= netstandard11) (< netstandard12) (< monoandroid) (< win8)) (&& (< net45) (>= netstandard12) (< netstandard13) (< monoandroid) (< win8) (< wpa81)) (&& (< net45) (>= netstandard13) (< netstandard15) (< monoandroid) (< win8) (< wpa81)) (&& (< net45) (>= netstandard15) (< monotouch) (< xamarinios) (< xamarinmac)) (>= dnxcore50) (>= netcore11)
      System.Reflection (>= 4.3) - restriction: || (&& (< net45) (>= netstandard11) (< netstandard12) (< monoandroid) (< win8)) (&& (< net45) (>= netstandard12) (< netstandard13) (< monoandroid) (< win8) (< wpa81)) (&& (< net45) (>= netstandard13) (< netstandard15) (< monoandroid) (< win8) (< wpa81)) (&& (< net45) (>= netstandard15) (< monotouch) (< xamarinios) (< xamarinmac)) (>= dnxcore50) (>= netcore11)
      System.Reflection.Primitives (>= 4.3) - restriction: || (&& (< net45) (>= netstandard11) (< netstandard12) (< monoandroid) (< win8)) (&& (< net45) (>= netstandard12) (< netstandard13) (< monoandroid) (< win8) (< wpa81)) (&& (< net45) (>= netstandard13) (< netstandard15) (< monoandroid) (< win8) (< wpa81)) (&& (< net45) (>= netstandard15) (< monotouch) (< xamarinios) (< xamarinmac)) (>= dnxcore50) (>= netcore11)
      System.Runtime (>= 4.3) - restriction: || (&& (< net45) (>= netstandard11) (< netstandard12) (< monoandroid) (< win8)) (&& (< net45) (>= netstandard12) (< netstandard13) (< monoandroid) (< win8) (< wpa81)) (&& (< net45) (>= netstandard13) (< netstandard15) (< monoandroid) (< win8) (< wpa81)) (&& (< net45) (>= netstandard15) (< monotouch) (< xamarinios) (< xamarinmac)) (>= net462) (>= dnxcore50) (>= netcore11)
      System.Runtime.Handles (>= 4.3) - restriction: || (&& (< net45) (>= netstandard13) (< netstandard15) (< monoandroid) (< win8) (< wpa81)) (&& (< net45) (>= netstandard15) (< monotouch) (< xamarinios) (< xamarinmac)) (>= dnxcore50) (>= netcore11)
    System.Runtime.InteropServices.RuntimeInformation (4.3) - redirects: force, restriction: || (&& (< net20) (>= netstandard11) (< netstandard13)) (&& (< net20) (>= netstandard13))
      runtime.native.System (>= 4.3) - restriction: && (< net45) (>= netstandard11) (< monotouch) (< xamarinios) (< xamarinmac) (< win8) (< wpa81)
      System.Reflection (>= 4.3) - restriction: || (&& (< net45) (>= netstandard11) (< monotouch) (< xamarinios) (< xamarinmac) (< win8) (< wpa81)) (>= dnxcore50)
      System.Reflection.Extensions (>= 4.3) - restriction: || (&& (< net45) (>= netstandard11) (< monotouch) (< xamarinios) (< xamarinmac) (< win8) (< wpa81)) (>= dnxcore50)
      System.Resources.ResourceManager (>= 4.3) - restriction: || (&& (< net45) (>= netstandard11) (< monotouch) (< xamarinios) (< xamarinmac) (< win8) (< wpa81)) (>= dnxcore50)
      System.Runtime (>= 4.3) - restriction: || (&& (< net45) (>= netstandard11) (< monotouch) (< xamarinios) (< xamarinmac) (< win8) (< wpa81)) (>= dnxcore50)
      System.Runtime.InteropServices (>= 4.3) - restriction: && (< net45) (>= netstandard11) (< monotouch) (< xamarinios) (< xamarinmac) (< win8) (< wpa81)
      System.Threading (>= 4.3) - restriction: || (&& (< net45) (>= netstandard11) (< monotouch) (< xamarinios) (< xamarinmac) (< win8) (< wpa81)) (>= dnxcore50)
    System.Runtime.InteropServices.WindowsRuntime (4.3) - restriction: && (< net45) (>= netstandard10)
      System.Runtime (>= 4.3) - restriction: || (&& (< net45) (>= netstandard10) (< monotouch) (< xamarinios) (< xamarinmac) (< win8) (< wp8) (< wpa81)) (>= dnxcore50)
    System.Runtime.Numerics (4.3) - redirects: force, restriction: || (&& (< net20) (>= netstandard11) (< netstandard13)) (&& (< net20) (>= netstandard13)) (&& (>= dnxcore50) (>= netstandard13)) (&& (< netstandard13) (>= netstandard16)) (&& (>= netstandard16) (< monotouch) (< xamarinios) (< xamarinmac))
      System.Globalization (>= 4.3) - restriction: || (&& (< net45) (>= netstandard13) (< monotouch) (< xamarinios) (< xamarinmac) (< win8) (< wpa81)) (>= dnxcore50)
      System.Resources.ResourceManager (>= 4.3) - restriction: || (&& (< net45) (>= netstandard13) (< monotouch) (< xamarinios) (< xamarinmac) (< win8) (< wpa81)) (>= dnxcore50)
      System.Runtime (>= 4.3) - restriction: || (&& (< net45) (>= netstandard11) (< netstandard13) (< monoandroid) (< win8) (< wpa81)) (&& (< net45) (>= netstandard13) (< monotouch) (< xamarinios) (< xamarinmac) (< win8) (< wpa81)) (>= dnxcore50)
      System.Runtime.Extensions (>= 4.3) - restriction: || (&& (< net45) (>= netstandard13) (< monotouch) (< xamarinios) (< xamarinmac) (< win8) (< wpa81)) (>= dnxcore50)
    System.Runtime.Serialization.Formatters (4.3) - redirects: force, restriction: && (< net20) (>= netstandard13)
      System.Collections (>= 4.3) - restriction: && (< net46) (>= netstandard14) (< monotouch) (< xamarinios) (< xamarinmac)
      System.Reflection (>= 4.3) - restriction: && (< net46) (>= netstandard14) (< monotouch) (< xamarinios) (< xamarinmac)
      System.Resources.ResourceManager (>= 4.3) - restriction: && (< net46) (>= netstandard14) (< monotouch) (< xamarinios) (< xamarinmac)
      System.Runtime (>= 4.3) - restriction: || (&& (< net46) (>= netstandard13) (< netstandard14) (< monoandroid)) (&& (< net46) (>= netstandard14) (< monotouch) (< xamarinios) (< xamarinmac))
      System.Runtime.Serialization.Primitives (>= 4.3) - restriction: || (>= net46) (&& (>= netstandard13) (< netstandard14) (< monoandroid)) (&& (>= netstandard14) (< monotouch) (< xamarinios) (< xamarinmac))
    System.Runtime.Serialization.Primitives (4.3) - redirects: force, restriction: || (&& (< net20) (>= net46)) (&& (< net20) (>= netstandard10) (< netstandard13)) (&& (< net20) (>= netstandard13)) (&& (< net20) (>= netstandard14) (< monotouch) (< xamarinios) (< xamarinmac))
      System.Resources.ResourceManager (>= 4.3) - restriction: || (&& (< net45) (>= netstandard13) (< monotouch) (< xamarinios) (< xamarinmac) (< win8) (< wpa81)) (>= dnxcore50)
      System.Runtime (>= 4.3) - restriction: || (&& (< net45) (>= netstandard10) (< netstandard13) (< monoandroid) (< win8) (< wp8) (< wpa81)) (&& (< net45) (>= netstandard13) (< monotouch) (< xamarinios) (< xamarinmac) (< win8) (< wpa81)) (>= dnxcore50)
    System.Security.Cryptography.Algorithms (4.3) - redirects: force, restriction: || (&& (< net20) (>= net46) (< netstandard14)) (&& (< net20) (>= net461)) (&& (< net20) (>= netstandard13)) (&& (< net20) (>= netstandard14) (< netstandard16) (< monoandroid)) (&& (>= dnxcore50) (>= netstandard13)) (&& (< netstandard13) (>= netstandard16)) (&& (>= netstandard16) (< monotouch) (< xamarinios) (< xamarinmac))
      Microsoft.NETCore.Platforms (>= 1.1) - restriction: || (>= dnxcore50) (&& (>= netstandard16) (< monotouch) (< xamarinios) (< xamarinmac))
      runtime.native.System.Security.Cryptography.Apple (>= 4.3) - restriction: && (>= netstandard16) (< monotouch) (< xamarinios) (< xamarinmac)
      runtime.native.System.Security.Cryptography.OpenSsl (>= 4.3) - restriction: && (>= netstandard16) (< monotouch) (< xamarinios) (< xamarinmac)
      System.Collections (>= 4.3) - restriction: && (>= netstandard16) (< monotouch) (< xamarinios) (< xamarinmac)
      System.IO (>= 4.3) - restriction: || (&& (< net46) (>= netstandard13) (< netstandard14) (< monoandroid)) (&& (< net46) (>= netstandard14) (< netstandard16) (< monoandroid)) (>= net463) (>= dnxcore50) (&& (>= netstandard16) (< monotouch) (< xamarinios) (< xamarinmac))
      System.Resources.ResourceManager (>= 4.3) - restriction: || (>= dnxcore50) (&& (>= netstandard16) (< monotouch) (< xamarinios) (< xamarinmac))
      System.Runtime (>= 4.3) - restriction: || (&& (< net46) (>= netstandard13) (< netstandard14) (< monoandroid)) (&& (< net46) (>= netstandard14) (< netstandard16) (< monoandroid)) (>= net463) (>= dnxcore50) (&& (>= netstandard16) (< monotouch) (< xamarinios) (< xamarinmac))
      System.Runtime.Extensions (>= 4.3) - restriction: || (>= dnxcore50) (&& (>= netstandard16) (< monotouch) (< xamarinios) (< xamarinmac))
      System.Runtime.Handles (>= 4.3) - restriction: || (>= dnxcore50) (&& (>= netstandard16) (< monotouch) (< xamarinios) (< xamarinmac))
      System.Runtime.InteropServices (>= 4.3) - restriction: || (>= dnxcore50) (&& (>= netstandard16) (< monotouch) (< xamarinios) (< xamarinmac))
      System.Runtime.Numerics (>= 4.3) - restriction: && (>= netstandard16) (< monotouch) (< xamarinios) (< xamarinmac)
      System.Security.Cryptography.Encoding (>= 4.3) - restriction: || (>= net463) (>= dnxcore50) (&& (>= netstandard16) (< monotouch) (< xamarinios) (< xamarinmac))
      System.Security.Cryptography.Primitives (>= 4.3) - restriction: || (&& (>= net46) (< netstandard14)) (&& (< net46) (>= netstandard13) (< netstandard14) (< monoandroid)) (&& (< net46) (>= netstandard14) (< netstandard16) (< monoandroid)) (>= net461) (>= dnxcore50) (&& (>= netstandard16) (< monotouch) (< xamarinios) (< xamarinmac))
      System.Text.Encoding (>= 4.3) - restriction: || (>= dnxcore50) (&& (>= netstandard16) (< monotouch) (< xamarinios) (< xamarinmac))
    System.Security.Cryptography.Cng (4.3) - redirects: force, restriction: || (&& (>= dnxcore50) (>= netstandard13)) (&& (>= netstandard16) (< monotouch) (< xamarinios) (< xamarinmac))
      Microsoft.NETCore.Platforms (>= 1.1) - restriction: || (&& (< net46) (>= netstandard14)) (>= netstandard16)
      System.IO (>= 4.3) - restriction: || (&& (< net46) (>= netstandard13) (< netstandard14)) (&& (< net46) (>= netstandard14)) (>= netstandard16)
      System.Resources.ResourceManager (>= 4.3) - restriction: || (&& (< net46) (>= netstandard14)) (>= netstandard16)
      System.Runtime (>= 4.3) - restriction: || (&& (< net46) (>= netstandard13) (< netstandard14)) (&& (< net46) (>= netstandard14)) (>= netstandard16)
      System.Runtime.Extensions (>= 4.3) - restriction: || (&& (< net46) (>= netstandard14)) (>= netstandard16)
      System.Runtime.Handles (>= 4.3) - restriction: || (&& (< net46) (>= netstandard13) (< netstandard14)) (&& (< net46) (>= netstandard14)) (>= netstandard16)
      System.Runtime.InteropServices (>= 4.3) - restriction: || (&& (< net46) (>= netstandard14)) (>= netstandard16)
      System.Security.Cryptography.Algorithms (>= 4.3) - restriction: || (&& (>= net46) (< netstandard14)) (&& (< net46) (>= netstandard13) (< netstandard14)) (&& (< net46) (>= netstandard14)) (>= net461) (>= netstandard16)
      System.Security.Cryptography.Encoding (>= 4.3) - restriction: || (&& (< net46) (>= netstandard14)) (>= netstandard16)
      System.Security.Cryptography.Primitives (>= 4.3) - restriction: || (&& (>= net46) (< netstandard14)) (&& (< net46) (>= netstandard13) (< netstandard14)) (&& (< net46) (>= netstandard14)) (>= net461) (>= netstandard16)
      System.Text.Encoding (>= 4.3) - restriction: || (&& (< net46) (>= netstandard14)) (>= netstandard16)
    System.Security.Cryptography.Csp (4.3) - redirects: force, restriction: && (>= netstandard16) (< monotouch) (< xamarinios) (< xamarinmac)
      Microsoft.NETCore.Platforms (>= 1.1) - restriction: && (< net46) (>= netstandard13) (< monotouch) (< xamarinios) (< xamarinmac)
      System.IO (>= 4.3) - restriction: && (< net46) (>= netstandard13) (< monotouch) (< xamarinios) (< xamarinmac)
      System.Reflection (>= 4.3) - restriction: && (< net46) (>= netstandard13) (< monotouch) (< xamarinios) (< xamarinmac)
      System.Resources.ResourceManager (>= 4.3) - restriction: && (< net46) (>= netstandard13) (< monotouch) (< xamarinios) (< xamarinmac)
      System.Runtime (>= 4.3) - restriction: && (< net46) (>= netstandard13) (< monotouch) (< xamarinios) (< xamarinmac)
      System.Runtime.Extensions (>= 4.3) - restriction: && (< net46) (>= netstandard13) (< monotouch) (< xamarinios) (< xamarinmac)
      System.Runtime.Handles (>= 4.3) - restriction: && (< net46) (>= netstandard13) (< monotouch) (< xamarinios) (< xamarinmac)
      System.Runtime.InteropServices (>= 4.3) - restriction: && (< net46) (>= netstandard13) (< monotouch) (< xamarinios) (< xamarinmac)
      System.Security.Cryptography.Algorithms (>= 4.3) - restriction: || (>= net46) (&& (>= netstandard13) (< monotouch) (< xamarinios) (< xamarinmac))
      System.Security.Cryptography.Encoding (>= 4.3) - restriction: && (< net46) (>= netstandard13) (< monotouch) (< xamarinios) (< xamarinmac)
      System.Security.Cryptography.Primitives (>= 4.3) - restriction: || (>= net46) (&& (>= netstandard13) (< monotouch) (< xamarinios) (< xamarinmac))
      System.Text.Encoding (>= 4.3) - restriction: && (< net46) (>= netstandard13) (< monotouch) (< xamarinios) (< xamarinmac)
      System.Threading (>= 4.3) - restriction: && (< net46) (>= netstandard13) (< monotouch) (< xamarinios) (< xamarinmac)
    System.Security.Cryptography.Encoding (4.3) - redirects: force, restriction: || (&& (< net20) (>= net46) (< netstandard14)) (&& (< net20) (>= net461)) (&& (< net20) (>= net463)) (&& (< net20) (>= netstandard13)) (&& (< net20) (>= netstandard14) (< netstandard16) (< monoandroid)) (&& (>= net463) (>= netstandard16)) (&& (>= dnxcore50) (>= netstandard13)) (&& (< netstandard13) (>= netstandard16)) (&& (>= netstandard16) (< monotouch) (< xamarinios) (< xamarinmac))
      Microsoft.NETCore.Platforms (>= 1.1) - restriction: && (< net46) (>= netstandard13) (< monotouch) (< xamarinios) (< xamarinmac)
      runtime.native.System.Security.Cryptography.OpenSsl (>= 4.3) - restriction: && (< net46) (>= netstandard13) (< monotouch) (< xamarinios) (< xamarinmac)
      System.Collections (>= 4.3) - restriction: && (< net46) (>= netstandard13) (< monotouch) (< xamarinios) (< xamarinmac)
      System.Collections.Concurrent (>= 4.3) - restriction: && (< net46) (>= netstandard13) (< monotouch) (< xamarinios) (< xamarinmac)
      System.Linq (>= 4.3) - restriction: && (< net46) (>= netstandard13) (< monotouch) (< xamarinios) (< xamarinmac)
      System.Resources.ResourceManager (>= 4.3) - restriction: && (< net46) (>= netstandard13) (< monotouch) (< xamarinios) (< xamarinmac)
      System.Runtime (>= 4.3) - restriction: && (< net46) (>= netstandard13) (< monotouch) (< xamarinios) (< xamarinmac)
      System.Runtime.Extensions (>= 4.3) - restriction: && (< net46) (>= netstandard13) (< monotouch) (< xamarinios) (< xamarinmac)
      System.Runtime.Handles (>= 4.3) - restriction: && (< net46) (>= netstandard13) (< monotouch) (< xamarinios) (< xamarinmac)
      System.Runtime.InteropServices (>= 4.3) - restriction: && (< net46) (>= netstandard13) (< monotouch) (< xamarinios) (< xamarinmac)
      System.Security.Cryptography.Primitives (>= 4.3) - restriction: && (< net46) (>= netstandard13) (< monotouch) (< xamarinios) (< xamarinmac)
      System.Text.Encoding (>= 4.3) - restriction: && (< net46) (>= netstandard13) (< monotouch) (< xamarinios) (< xamarinmac)
    System.Security.Cryptography.OpenSsl (4.3) - redirects: force, restriction: || (&& (< netstandard13) (>= netstandard16)) (&& (>= netstandard16) (< monotouch) (< xamarinios) (< xamarinmac))
      runtime.native.System.Security.Cryptography.OpenSsl (>= 4.3) - restriction: || (>= net463) (>= netstandard16) (>= monoandroid)
      System.Collections (>= 4.3) - restriction: && (>= netstandard16) (< monotouch) (< xamarinios) (< xamarinmac)
      System.IO (>= 4.3) - restriction: || (>= net463) (&& (>= netstandard16) (< monotouch) (< xamarinios) (< xamarinmac))
      System.Resources.ResourceManager (>= 4.3) - restriction: && (>= netstandard16) (< monotouch) (< xamarinios) (< xamarinmac)
      System.Runtime (>= 4.3) - restriction: || (>= net463) (&& (>= netstandard16) (< monotouch) (< xamarinios) (< xamarinmac))
      System.Runtime.Extensions (>= 4.3) - restriction: || (>= net463) (&& (>= netstandard16) (< monotouch) (< xamarinios) (< xamarinmac))
      System.Runtime.Handles (>= 4.3) - restriction: && (>= netstandard16) (< monotouch) (< xamarinios) (< xamarinmac)
      System.Runtime.InteropServices (>= 4.3) - restriction: && (>= netstandard16) (< monotouch) (< xamarinios) (< xamarinmac)
      System.Runtime.Numerics (>= 4.3) - restriction: && (>= netstandard16) (< monotouch) (< xamarinios) (< xamarinmac)
      System.Security.Cryptography.Algorithms (>= 4.3) - restriction: || (>= net463) (&& (>= netstandard16) (< monotouch) (< xamarinios) (< xamarinmac))
      System.Security.Cryptography.Encoding (>= 4.3) - restriction: || (>= net463) (&& (>= netstandard16) (< monotouch) (< xamarinios) (< xamarinmac))
      System.Security.Cryptography.Primitives (>= 4.3) - restriction: || (>= net463) (&& (>= netstandard16) (< monotouch) (< xamarinios) (< xamarinmac))
      System.Text.Encoding (>= 4.3) - restriction: && (>= netstandard16) (< monotouch) (< xamarinios) (< xamarinmac)
    System.Security.Cryptography.Primitives (4.3) - redirects: force, restriction: || (&& (< net20) (>= net46) (< netstandard14)) (&& (< net20) (>= net461)) (&& (< net20) (>= netstandard13)) (&& (< net20) (>= netstandard14) (< netstandard16) (< monoandroid)) (&& (>= net463) (>= netstandard16)) (&& (>= dnxcore50) (>= netstandard13)) (&& (< netstandard13) (>= netstandard16)) (&& (>= netstandard16) (< monotouch) (< xamarinios) (< xamarinmac))
      System.Diagnostics.Debug (>= 4.3) - restriction: && (< net46) (>= netstandard13) (< monotouch) (< xamarinios) (< xamarinmac)
      System.Globalization (>= 4.3) - restriction: && (< net46) (>= netstandard13) (< monotouch) (< xamarinios) (< xamarinmac)
      System.IO (>= 4.3) - restriction: && (< net46) (>= netstandard13) (< monotouch) (< xamarinios) (< xamarinmac)
      System.Resources.ResourceManager (>= 4.3) - restriction: && (< net46) (>= netstandard13) (< monotouch) (< xamarinios) (< xamarinmac)
      System.Runtime (>= 4.3) - restriction: && (< net46) (>= netstandard13) (< monotouch) (< xamarinios) (< xamarinmac)
      System.Threading (>= 4.3) - restriction: && (< net46) (>= netstandard13) (< monotouch) (< xamarinios) (< xamarinmac)
      System.Threading.Tasks (>= 4.3) - restriction: && (< net46) (>= netstandard13) (< monotouch) (< xamarinios) (< xamarinmac)
    System.Security.Cryptography.X509Certificates (4.3) - redirects: force, restriction: || (&& (< net20) (>= net46)) (&& (< net20) (>= netstandard13)) (&& (>= dnxcore50) (>= netstandard11)) (&& (>= dnxcore50) (>= netstandard13)) (&& (< netstandard13) (>= netstandard16)) (&& (>= netstandard16) (< monotouch) (< xamarinios) (< xamarinmac))
      Microsoft.NETCore.Platforms (>= 1.1) - restriction: || (>= dnxcore50) (&& (>= netstandard16) (< monotouch) (< xamarinios) (< xamarinmac))
      runtime.native.System (>= 4.3) - restriction: && (>= netstandard16) (< monotouch) (< xamarinios) (< xamarinmac)
      runtime.native.System.Net.Http (>= 4.3) - restriction: && (>= netstandard16) (< monotouch) (< xamarinios) (< xamarinmac)
      runtime.native.System.Security.Cryptography.OpenSsl (>= 4.3) - restriction: && (>= netstandard16) (< monotouch) (< xamarinios) (< xamarinmac)
      System.Collections (>= 4.3) - restriction: || (>= dnxcore50) (&& (>= netstandard16) (< monotouch) (< xamarinios) (< xamarinmac))
      System.Diagnostics.Debug (>= 4.3) - restriction: && (>= netstandard16) (< monotouch) (< xamarinios) (< xamarinmac)
      System.Globalization (>= 4.3) - restriction: || (>= dnxcore50) (&& (>= netstandard16) (< monotouch) (< xamarinios) (< xamarinmac))
      System.Globalization.Calendars (>= 4.3) - restriction: || (>= dnxcore50) (&& (>= netstandard16) (< monotouch) (< xamarinios) (< xamarinmac))
      System.IO (>= 4.3) - restriction: || (>= dnxcore50) (&& (>= netstandard16) (< monotouch) (< xamarinios) (< xamarinmac))
      System.IO.FileSystem (>= 4.3) - restriction: || (>= dnxcore50) (&& (>= netstandard16) (< monotouch) (< xamarinios) (< xamarinmac))
      System.IO.FileSystem.Primitives (>= 4.3) - restriction: && (>= netstandard16) (< monotouch) (< xamarinios) (< xamarinmac)
      System.Resources.ResourceManager (>= 4.3) - restriction: || (>= dnxcore50) (&& (>= netstandard16) (< monotouch) (< xamarinios) (< xamarinmac))
      System.Runtime (>= 4.3) - restriction: || (&& (< net46) (>= netstandard13) (< netstandard14) (< monoandroid)) (&& (< net46) (>= netstandard14) (< netstandard16) (< monoandroid)) (>= dnxcore50) (&& (>= netstandard16) (< monotouch) (< xamarinios) (< xamarinmac))
      System.Runtime.Extensions (>= 4.3) - restriction: || (>= dnxcore50) (&& (>= netstandard16) (< monotouch) (< xamarinios) (< xamarinmac))
      System.Runtime.Handles (>= 4.3) - restriction: || (&& (< net46) (>= netstandard13) (< netstandard14) (< monoandroid)) (&& (< net46) (>= netstandard14) (< netstandard16) (< monoandroid)) (>= dnxcore50) (&& (>= netstandard16) (< monotouch) (< xamarinios) (< xamarinmac))
      System.Runtime.InteropServices (>= 4.3) - restriction: || (>= dnxcore50) (&& (>= netstandard16) (< monotouch) (< xamarinios) (< xamarinmac))
      System.Runtime.Numerics (>= 4.3) - restriction: || (>= dnxcore50) (&& (>= netstandard16) (< monotouch) (< xamarinios) (< xamarinmac))
      System.Security.Cryptography.Algorithms (>= 4.3) - restriction: || (&& (>= net46) (< netstandard14)) (&& (< net46) (>= netstandard13) (< netstandard14) (< monoandroid)) (&& (< net46) (>= netstandard14) (< netstandard16) (< monoandroid)) (>= net461) (>= dnxcore50) (&& (>= netstandard16) (< monotouch) (< xamarinios) (< xamarinmac))
      System.Security.Cryptography.Cng (>= 4.3) - restriction: || (>= dnxcore50) (&& (>= netstandard16) (< monotouch) (< xamarinios) (< xamarinmac))
      System.Security.Cryptography.Csp (>= 4.3) - restriction: && (>= netstandard16) (< monotouch) (< xamarinios) (< xamarinmac)
      System.Security.Cryptography.Encoding (>= 4.3) - restriction: || (&& (>= net46) (< netstandard14)) (&& (< net46) (>= netstandard13) (< netstandard14) (< monoandroid)) (&& (< net46) (>= netstandard14) (< netstandard16) (< monoandroid)) (>= net461) (>= dnxcore50) (&& (>= netstandard16) (< monotouch) (< xamarinios) (< xamarinmac))
      System.Security.Cryptography.OpenSsl (>= 4.3) - restriction: && (>= netstandard16) (< monotouch) (< xamarinios) (< xamarinmac)
      System.Security.Cryptography.Primitives (>= 4.3) - restriction: || (>= dnxcore50) (&& (>= netstandard16) (< monotouch) (< xamarinios) (< xamarinmac))
      System.Text.Encoding (>= 4.3) - restriction: || (>= dnxcore50) (&& (>= netstandard16) (< monotouch) (< xamarinios) (< xamarinmac))
      System.Threading (>= 4.3) - restriction: || (>= dnxcore50) (&& (>= netstandard16) (< monotouch) (< xamarinios) (< xamarinmac))
    System.Text.Encoding (4.3) - redirects: force, restriction: || (&& (< net20) (>= netstandard10) (< netstandard13)) (&& (< net20) (>= netstandard11) (< netstandard13) (< monoandroid) (< win8) (< wpa81)) (&& (< net20) (>= netstandard13)) (&& (< net20) (< netstandard13) (>= netstandard15)) (&& (< net20) (>= netstandard15) (< monotouch) (< xamarinios) (< xamarinmac)) (&& (>= dnxcore50) (>= netstandard10)) (&& (>= dnxcore50) (>= netstandard11)) (&& (>= dnxcore50) (>= netstandard13)) (&& (< netstandard13) (>= netstandard16)) (&& (>= netstandard16) (< monotouch) (< xamarinios) (< xamarinmac))
      Microsoft.NETCore.Platforms (>= 1.1) - restriction: || (&& (< net45) (>= netstandard10) (< netstandard13) (< monoandroid) (< win8) (< wp8) (< wpa81)) (&& (< net45) (>= netstandard13) (< monotouch) (< xamarinios) (< xamarinmac) (< win8) (< wpa81)) (>= dnxcore50)
      Microsoft.NETCore.Targets (>= 1.1) - restriction: || (&& (< net45) (>= netstandard10) (< netstandard13) (< monoandroid) (< win8) (< wp8) (< wpa81)) (&& (< net45) (>= netstandard13) (< monotouch) (< xamarinios) (< xamarinmac) (< win8) (< wpa81)) (>= dnxcore50)
      System.Runtime (>= 4.3) - restriction: || (&& (< net45) (>= netstandard10) (< netstandard13) (< monoandroid) (< win8) (< wp8) (< wpa81)) (&& (< net45) (>= netstandard13) (< monotouch) (< xamarinios) (< xamarinmac) (< win8) (< wpa81)) (>= dnxcore50)
    System.Text.Encoding.Extensions (4.3) - redirects: force, restriction: || (&& (< net20) (>= netstandard10) (< netstandard13)) (&& (< net20) (>= netstandard13)) (&& (>= dnxcore50) (>= netstandard10)) (&& (>= dnxcore50) (>= netstandard13))
      Microsoft.NETCore.Platforms (>= 1.1) - restriction: || (&& (< net45) (>= netstandard10) (< netstandard13) (< monoandroid) (< win8) (< wp8) (< wpa81)) (&& (< net45) (>= netstandard13) (< monotouch) (< xamarinios) (< xamarinmac) (< win8) (< wpa81)) (>= dnxcore50)
      Microsoft.NETCore.Targets (>= 1.1) - restriction: || (&& (< net45) (>= netstandard10) (< netstandard13) (< monoandroid) (< win8) (< wp8) (< wpa81)) (&& (< net45) (>= netstandard13) (< monotouch) (< xamarinios) (< xamarinmac) (< win8) (< wpa81)) (>= dnxcore50)
      System.Runtime (>= 4.3) - restriction: || (&& (< net45) (>= netstandard10) (< netstandard13) (< monoandroid) (< win8) (< wp8) (< wpa81)) (&& (< net45) (>= netstandard13) (< monotouch) (< xamarinios) (< xamarinmac) (< win8) (< wpa81)) (>= dnxcore50)
      System.Text.Encoding (>= 4.3) - restriction: || (&& (< net45) (>= netstandard10) (< netstandard13) (< monoandroid) (< win8) (< wp8) (< wpa81)) (&& (< net45) (>= netstandard13) (< monotouch) (< xamarinios) (< xamarinmac) (< win8) (< wpa81)) (>= dnxcore50)
    System.Text.RegularExpressions (4.3) - redirects: force, restriction: || (&& (< net20) (>= netstandard10) (< netstandard13)) (&& (< net20) (>= netstandard13)) (&& (>= dnxcore50) (>= netstandard10)) (&& (>= dnxcore50) (>= netstandard13))
      System.Collections (>= 4.3) - restriction: || (>= dnxcore50) (&& (>= netstandard16) (< netcore11) (< monotouch) (< xamarinios) (< xamarinmac))
      System.Globalization (>= 4.3) - restriction: || (>= dnxcore50) (&& (>= netstandard16) (< netcore11) (< monotouch) (< xamarinios) (< xamarinmac))
      System.Resources.ResourceManager (>= 4.3) - restriction: || (>= dnxcore50) (&& (>= netstandard16) (< netcore11) (< monotouch) (< xamarinios) (< xamarinmac))
      System.Runtime (>= 4.3) - restriction: || (&& (< net45) (>= netstandard10) (< netstandard13) (< monoandroid) (< win8) (< wp8) (< wpa81)) (&& (< net45) (>= netstandard13) (< netstandard16) (< monoandroid) (< win8) (< wpa81)) (>= dnxcore50) (&& (>= netstandard16) (< monotouch) (< xamarinios) (< xamarinmac)) (>= netcore11)
      System.Runtime.Extensions (>= 4.3) - restriction: || (>= dnxcore50) (&& (>= netstandard16) (< netcore11) (< monotouch) (< xamarinios) (< xamarinmac))
      System.Threading (>= 4.3) - restriction: || (>= dnxcore50) (&& (>= netstandard16) (< netcore11) (< monotouch) (< xamarinios) (< xamarinmac))
    System.Threading (4.3) - redirects: force, restriction: || (&& (< net20) (>= net462)) (&& (< net20) (>= netstandard10) (< netstandard13)) (&& (< net20) (>= netstandard11) (< netstandard13) (< win8) (< wpa81)) (&& (< net20) (>= netstandard13)) (&& (< net20) (< netstandard13) (>= netstandard15)) (&& (< net20) (>= netstandard15) (< monotouch) (< xamarinios) (< xamarinmac)) (&& (>= dnxcore50) (>= netstandard10)) (&& (>= dnxcore50) (>= netstandard11)) (&& (>= dnxcore50) (>= netstandard13)) (&& (>= dnxcore50) (>= netstandard16)) (&& (< netstandard13) (>= netstandard16)) (&& (>= netstandard16) (< monotouch) (< xamarinios) (< xamarinmac))
      System.Runtime (>= 4.3) - restriction: || (&& (< net45) (>= netstandard10) (< netstandard13) (< monoandroid) (< win8) (< wp8) (< wpa81)) (&& (< net45) (>= netstandard13) (< monotouch) (< xamarinios) (< xamarinmac) (< win8) (< wpa81)) (>= dnxcore50)
      System.Threading.Tasks (>= 4.3) - restriction: || (&& (< net45) (>= netstandard10) (< netstandard13) (< monoandroid) (< win8) (< wp8) (< wpa81)) (&& (< net45) (>= netstandard13) (< monotouch) (< xamarinios) (< xamarinmac) (< win8) (< wpa81)) (>= dnxcore50)
    System.Threading.Tasks (4.3) - redirects: force, restriction: || (&& (< net20) (>= netstandard10) (< netstandard13)) (&& (< net20) (>= netstandard11) (< netstandard13) (< monoandroid) (< win8) (< wpa81)) (&& (< net20) (>= netstandard13)) (&& (< net20) (< netstandard13) (>= netstandard15)) (&& (< net20) (>= netstandard15) (< monotouch) (< xamarinios) (< xamarinmac)) (&& (>= dnxcore50) (>= netstandard10)) (&& (>= dnxcore50) (>= netstandard11)) (&& (>= dnxcore50) (>= netstandard13)) (&& (< netstandard13) (>= netstandard16)) (&& (>= netstandard16) (< monotouch) (< xamarinios) (< xamarinmac))
      Microsoft.NETCore.Platforms (>= 1.1) - restriction: || (&& (< net45) (>= netstandard10) (< netstandard13) (< monoandroid) (< win8) (< wp8) (< wpa81)) (&& (< net45) (>= netstandard13) (< monotouch) (< xamarinios) (< xamarinmac) (< win8) (< wpa81)) (>= dnxcore50)
      Microsoft.NETCore.Targets (>= 1.1) - restriction: || (&& (< net45) (>= netstandard10) (< netstandard13) (< monoandroid) (< win8) (< wp8) (< wpa81)) (&& (< net45) (>= netstandard13) (< monotouch) (< xamarinios) (< xamarinmac) (< win8) (< wpa81)) (>= dnxcore50)
      System.Runtime (>= 4.3) - restriction: || (&& (< net45) (>= netstandard10) (< netstandard13) (< monoandroid) (< win8) (< wp8) (< wpa81)) (&& (< net45) (>= netstandard13) (< monotouch) (< xamarinios) (< xamarinmac) (< win8) (< wpa81)) (>= dnxcore50)
    System.Threading.Tasks.Extensions (4.3) - redirects: force, restriction: || (&& (< net20) (>= netstandard13) (< monotouch) (< xamarinios) (< xamarinmac) (< win8) (< wpa81)) (&& (>= dnxcore50) (>= netstandard10)) (&& (>= dnxcore50) (>= netstandard13))
      System.Collections (>= 4.3) - restriction: && (< net45) (>= netstandard10) (< monotouch) (< xamarinios) (< xamarinmac) (< win8) (< wp8) (< wpa81)
      System.Runtime (>= 4.3) - restriction: && (< net45) (>= netstandard10) (< monotouch) (< xamarinios) (< xamarinmac) (< win8) (< wp8) (< wpa81)
      System.Threading.Tasks (>= 4.3) - restriction: && (< net45) (>= netstandard10) (< monotouch) (< xamarinios) (< xamarinmac) (< win8) (< wp8) (< wpa81)
    System.Threading.Timer (4.3) - redirects: force, restriction: || (&& (< net20) (>= netstandard12) (< netstandard13)) (&& (< net20) (>= netstandard13))
      Microsoft.NETCore.Platforms (>= 1.1) - restriction: || (&& (< net451) (>= netstandard12) (< monotouch) (< xamarinios) (< xamarinmac) (< win81) (< wpa81)) (>= dnxcore50)
      Microsoft.NETCore.Targets (>= 1.1) - restriction: || (&& (< net451) (>= netstandard12) (< monotouch) (< xamarinios) (< xamarinmac) (< win81) (< wpa81)) (>= dnxcore50)
      System.Runtime (>= 4.3) - restriction: || (&& (< net451) (>= netstandard12) (< monotouch) (< xamarinios) (< xamarinmac) (< win81) (< wpa81)) (>= dnxcore50)
    System.Xml.ReaderWriter (4.3) - redirects: force, restriction: || (&& (< net20) (>= netstandard10) (< netstandard13)) (&& (< net20) (>= netstandard13)) (&& (>= dnxcore50) (>= netstandard10)) (&& (>= dnxcore50) (>= netstandard13))
      System.Collections (>= 4.3) - restriction: || (&& (< net45) (>= netstandard13) (< monotouch) (< xamarinios) (< xamarinmac) (< win8) (< wpa81)) (>= dnxcore50)
      System.Diagnostics.Debug (>= 4.3) - restriction: || (&& (< net45) (>= netstandard13) (< monotouch) (< xamarinios) (< xamarinmac) (< win8) (< wpa81)) (>= dnxcore50)
      System.Globalization (>= 4.3) - restriction: || (&& (< net45) (>= netstandard13) (< monotouch) (< xamarinios) (< xamarinmac) (< win8) (< wpa81)) (>= dnxcore50)
      System.IO (>= 4.3) - restriction: || (&& (< net45) (>= netstandard10) (< netstandard13) (< monoandroid) (< win8) (< wp8) (< wpa81)) (&& (< net45) (>= netstandard13) (< monotouch) (< xamarinios) (< xamarinmac) (< win8) (< wpa81)) (>= dnxcore50)
      System.IO.FileSystem (>= 4.3) - restriction: || (&& (< net45) (>= netstandard13) (< monotouch) (< xamarinios) (< xamarinmac) (< win8) (< wpa81)) (>= dnxcore50)
      System.IO.FileSystem.Primitives (>= 4.3) - restriction: || (&& (< net45) (>= netstandard13) (< monotouch) (< xamarinios) (< xamarinmac) (< win8) (< wpa81)) (>= dnxcore50)
      System.Resources.ResourceManager (>= 4.3) - restriction: || (&& (< net45) (>= netstandard13) (< monotouch) (< xamarinios) (< xamarinmac) (< win8) (< wpa81)) (>= dnxcore50)
      System.Runtime (>= 4.3) - restriction: || (&& (< net45) (>= netstandard10) (< netstandard13) (< monoandroid) (< win8) (< wp8) (< wpa81)) (&& (< net45) (>= netstandard13) (< monotouch) (< xamarinios) (< xamarinmac) (< win8) (< wpa81)) (>= dnxcore50)
      System.Runtime.Extensions (>= 4.3) - restriction: || (&& (< net45) (>= netstandard13) (< monotouch) (< xamarinios) (< xamarinmac) (< win8) (< wpa81)) (>= dnxcore50)
      System.Runtime.InteropServices (>= 4.3) - restriction: || (&& (< net45) (>= netstandard13) (< monotouch) (< xamarinios) (< xamarinmac) (< win8) (< wpa81)) (>= dnxcore50)
      System.Text.Encoding (>= 4.3) - restriction: || (&& (< net45) (>= netstandard10) (< netstandard13) (< monoandroid) (< win8) (< wp8) (< wpa81)) (&& (< net45) (>= netstandard13) (< monotouch) (< xamarinios) (< xamarinmac) (< win8) (< wpa81)) (>= dnxcore50)
      System.Text.Encoding.Extensions (>= 4.3) - restriction: || (&& (< net45) (>= netstandard13) (< monotouch) (< xamarinios) (< xamarinmac) (< win8) (< wpa81)) (>= dnxcore50)
      System.Text.RegularExpressions (>= 4.3) - restriction: || (&& (< net45) (>= netstandard13) (< monotouch) (< xamarinios) (< xamarinmac) (< win8) (< wpa81)) (>= dnxcore50)
      System.Threading.Tasks (>= 4.3) - restriction: || (&& (< net45) (>= netstandard10) (< netstandard13) (< monoandroid) (< win8) (< wp8) (< wpa81)) (&& (< net45) (>= netstandard13) (< monotouch) (< xamarinios) (< xamarinmac) (< win8) (< wpa81)) (>= dnxcore50)
      System.Threading.Tasks.Extensions (>= 4.3) - restriction: || (&& (< net45) (>= netstandard13) (< monotouch) (< xamarinios) (< xamarinmac) (< win8) (< wpa81)) (>= dnxcore50)
    System.Xml.XDocument (4.3) - redirects: force, restriction: || (&& (< net20) (>= netstandard10) (< netstandard13)) (&& (< net20) (>= netstandard13))
      System.Collections (>= 4.3) - restriction: || (&& (< net45) (>= netstandard13) (< monotouch) (< xamarinios) (< xamarinmac) (< win8) (< wpa81)) (>= dnxcore50)
      System.Diagnostics.Debug (>= 4.3) - restriction: || (&& (< net45) (>= netstandard13) (< monotouch) (< xamarinios) (< xamarinmac) (< win8) (< wpa81)) (>= dnxcore50)
      System.Diagnostics.Tools (>= 4.3) - restriction: || (&& (< net45) (>= netstandard13) (< monotouch) (< xamarinios) (< xamarinmac) (< win8) (< wpa81)) (>= dnxcore50)
      System.Globalization (>= 4.3) - restriction: || (&& (< net45) (>= netstandard13) (< monotouch) (< xamarinios) (< xamarinmac) (< win8) (< wpa81)) (>= dnxcore50)
      System.IO (>= 4.3) - restriction: || (&& (< net45) (>= netstandard10) (< netstandard13) (< monoandroid) (< win8) (< wp8) (< wpa81)) (&& (< net45) (>= netstandard13) (< monotouch) (< xamarinios) (< xamarinmac) (< win8) (< wpa81)) (>= dnxcore50)
      System.Reflection (>= 4.3) - restriction: || (&& (< net45) (>= netstandard13) (< monotouch) (< xamarinios) (< xamarinmac) (< win8) (< wpa81)) (>= dnxcore50)
      System.Resources.ResourceManager (>= 4.3) - restriction: || (&& (< net45) (>= netstandard13) (< monotouch) (< xamarinios) (< xamarinmac) (< win8) (< wpa81)) (>= dnxcore50)
      System.Runtime (>= 4.3) - restriction: || (&& (< net45) (>= netstandard10) (< netstandard13) (< monoandroid) (< win8) (< wp8) (< wpa81)) (&& (< net45) (>= netstandard13) (< monotouch) (< xamarinios) (< xamarinmac) (< win8) (< wpa81)) (>= dnxcore50)
      System.Runtime.Extensions (>= 4.3) - restriction: || (&& (< net45) (>= netstandard13) (< monotouch) (< xamarinios) (< xamarinmac) (< win8) (< wpa81)) (>= dnxcore50)
      System.Text.Encoding (>= 4.3) - restriction: || (&& (< net45) (>= netstandard13) (< monotouch) (< xamarinios) (< xamarinmac) (< win8) (< wpa81)) (>= dnxcore50)
      System.Threading (>= 4.3) - restriction: || (&& (< net45) (>= netstandard13) (< monotouch) (< xamarinios) (< xamarinmac) (< win8) (< wpa81)) (>= dnxcore50)
      System.Xml.ReaderWriter (>= 4.3) - restriction: || (&& (< net45) (>= netstandard10) (< netstandard13) (< monoandroid) (< win8) (< wp8) (< wpa81)) (&& (< net45) (>= netstandard13) (< monotouch) (< xamarinios) (< xamarinmac) (< win8) (< wpa81)) (>= dnxcore50)
    System.Xml.XmlDocument (4.3) - redirects: force, restriction: && (< net20) (>= netstandard13)
      System.Collections (>= 4.3) - restriction: && (< net46) (>= netstandard13) (< monotouch) (< xamarinios) (< xamarinmac)
      System.Diagnostics.Debug (>= 4.3) - restriction: && (< net46) (>= netstandard13) (< monotouch) (< xamarinios) (< xamarinmac)
      System.Globalization (>= 4.3) - restriction: && (< net46) (>= netstandard13) (< monotouch) (< xamarinios) (< xamarinmac)
      System.IO (>= 4.3) - restriction: && (< net46) (>= netstandard13) (< monotouch) (< xamarinios) (< xamarinmac)
      System.Resources.ResourceManager (>= 4.3) - restriction: && (< net46) (>= netstandard13) (< monotouch) (< xamarinios) (< xamarinmac)
      System.Runtime (>= 4.3) - restriction: && (< net46) (>= netstandard13) (< monotouch) (< xamarinios) (< xamarinmac)
      System.Runtime.Extensions (>= 4.3) - restriction: && (< net46) (>= netstandard13) (< monotouch) (< xamarinios) (< xamarinmac)
      System.Text.Encoding (>= 4.3) - restriction: && (< net46) (>= netstandard13) (< monotouch) (< xamarinios) (< xamarinmac)
      System.Threading (>= 4.3) - restriction: && (< net46) (>= netstandard13) (< monotouch) (< xamarinios) (< xamarinmac)
      System.Xml.ReaderWriter (>= 4.3) - restriction: && (< net46) (>= netstandard13) (< monotouch) (< xamarinios) (< xamarinmac)
GIST
  remote: parthopdas/ccd06b223c0ae88ed9164f34cc1f5f06
    YaFunTK.fs (f90bea43b834e85017392cb1cc31d4568a58818f)
GROUP Build
NUGET
  remote: http://www.nuget.org/api/v2
    FAKE (4.61)
    FSharpLint (0.2.8)
    gitlink (2.4.1)
    GitVersion.CommandLine (4.0.0-beta0011)
    NuGet.CommandLine (3.5)

GROUP Test
NUGET
  remote: http://www.nuget.org/api/v2
    FsCheck (2.8.1)
      FSharp.Core (>= 3.1.2.5)
    FsCheck.Xunit (2.7.2)
      FsCheck (>= 2.7.2)
      xunit.extensibility.execution (>= 2.1 < 3.0)
    FSharp.Core (4.0.0.1) - redirects: force
    FsUnit.xUnit (1.4.1)
      FSharp.Core (>= 3.1.2.5)
      xunit (2.1)
    Microsoft.DotNet.PlatformAbstractions (1.1.1) - restriction: == netcore10
    Microsoft.Extensions.DependencyModel (1.1.1) - restriction: == netcore10
    Microsoft.NETCore.Platforms (1.1) - restriction: == dnxcore50
    Microsoft.NETCore.Targets (1.1) - restriction: == dnxcore50
    Microsoft.TestPlatform.ObjectModel (15.0) - restriction: == netcore10
    NETStandard.Library (1.6.1) - restriction: >= netstandard11
    System.Collections (4.3) - restriction: == dnxcore50
      Microsoft.NETCore.Platforms (>= 1.1) - restriction: || (== dnxcore50) (== netstandard10) (>= netstandard13)
      Microsoft.NETCore.Targets (>= 1.1) - restriction: || (== dnxcore50) (== netstandard10) (>= netstandard13)
      System.Runtime (>= 4.3) - restriction: || (== dnxcore50) (== netstandard10) (>= netstandard13)
    System.Diagnostics.Contracts (4.3) - restriction: == dnxcore50
      System.Runtime (>= 4.3) - restriction: || (== dnxcore50) (>= netstandard10)
    System.Diagnostics.Debug (4.3) - restriction: == dnxcore50
      Microsoft.NETCore.Platforms (>= 1.1) - restriction: || (== dnxcore50) (== netstandard10) (>= netstandard13)
      Microsoft.NETCore.Targets (>= 1.1) - restriction: || (== dnxcore50) (== netstandard10) (>= netstandard13)
      System.Runtime (>= 4.3) - restriction: || (== dnxcore50) (== netstandard10) (>= netstandard13)
    System.Globalization (4.3) - restriction: == dnxcore50
      Microsoft.NETCore.Platforms (>= 1.1) - restriction: || (== dnxcore50) (== netstandard10) (>= netstandard13)
      Microsoft.NETCore.Targets (>= 1.1) - restriction: || (== dnxcore50) (== netstandard10) (>= netstandard13)
      System.Runtime (>= 4.3) - restriction: || (== dnxcore50) (== netstandard10) (>= netstandard13)
    System.IO (4.3) - restriction: == dnxcore50
      Microsoft.NETCore.Platforms (>= 1.1) - restriction: || (== dnxcore50) (== netstandard10) (== netstandard13) (>= netstandard15)
      Microsoft.NETCore.Targets (>= 1.1) - restriction: || (== dnxcore50) (== netstandard10) (== netstandard13) (>= netstandard15)
      System.Runtime (>= 4.3) - restriction: || (== dnxcore50) (== netstandard10) (== netstandard13) (>= netstandard15)
      System.Text.Encoding (>= 4.3) - restriction: || (== dnxcore50) (== netstandard10) (== netstandard13) (>= netstandard15)
      System.Threading.Tasks (>= 4.3) - restriction: || (== dnxcore50) (== netstandard10) (== netstandard13) (>= netstandard15)
    System.Linq (4.3) - restriction: == dnxcore50
      System.Collections (>= 4.3) - restriction: || (== dnxcore50) (== netstandard10) (>= netstandard16)
      System.Diagnostics.Debug (>= 4.3) - restriction: || (== dnxcore50) (>= netstandard16)
      System.Resources.ResourceManager (>= 4.3) - restriction: || (== dnxcore50) (>= netstandard16)
      System.Runtime (>= 4.3) - restriction: || (== dnxcore50) (== netstandard10) (>= netstandard16)
      System.Runtime.Extensions (>= 4.3) - restriction: || (== dnxcore50) (>= netstandard16)
    System.Linq.Expressions (4.3) - restriction: == dnxcore50
      System.Collections (>= 4.3) - restriction: || (== dnxcore50) (>= netstandard16)
      System.Diagnostics.Debug (>= 4.3) - restriction: || (== dnxcore50) (>= netstandard16)
      System.Globalization (>= 4.3) - restriction: || (== dnxcore50) (>= netstandard16)
      System.IO (>= 4.3) - restriction: || (== dnxcore50) (>= netstandard16)
      System.Linq (>= 4.3) - restriction: || (== dnxcore50) (>= netstandard16)
      System.Reflection (>= 4.3) - restriction: || (== dnxcore50) (== netstandard10) (== netstandard13) (>= netstandard16)
      System.Reflection.Emit.ILGeneration (>= 4.3) - restriction: || (== dnxcore50) (>= netstandard16)
      System.Reflection.Emit.Lightweight (>= 4.3) - restriction: || (== dnxcore50) (>= netstandard16)
      System.Reflection.Extensions (>= 4.3) - restriction: || (== dnxcore50) (>= netstandard16)
      System.Reflection.Primitives (>= 4.3) - restriction: || (== dnxcore50) (>= netstandard16)
      System.Reflection.TypeExtensions (>= 4.3) - restriction: || (== dnxcore50) (>= netstandard16)
      System.Resources.ResourceManager (>= 4.3) - restriction: || (== dnxcore50) (>= netstandard16)
      System.Runtime (>= 4.3) - restriction: || (== dnxcore50) (== netstandard10) (== netstandard13) (>= netstandard16)
      System.Runtime.Extensions (>= 4.3) - restriction: || (== dnxcore50) (>= netstandard16)
      System.Threading (>= 4.3) - restriction: || (== dnxcore50) (>= netstandard16)
    System.ObjectModel (4.3) - restriction: == dnxcore50
      System.Collections (>= 4.3) - restriction: || (== dnxcore50) (>= netstandard13)
      System.Diagnostics.Debug (>= 4.3) - restriction: || (== dnxcore50) (>= netstandard13)
      System.Resources.ResourceManager (>= 4.3) - restriction: || (== dnxcore50) (>= netstandard13)
      System.Runtime (>= 4.3) - restriction: || (== dnxcore50) (== netstandard10) (>= netstandard13)
      System.Threading (>= 4.3) - restriction: || (== dnxcore50) (>= netstandard13)
    System.Reflection (4.3) - restriction: == dnxcore50
      Microsoft.NETCore.Platforms (>= 1.1) - restriction: || (== dnxcore50) (== netstandard10) (== netstandard13) (>= netstandard15)
      Microsoft.NETCore.Targets (>= 1.1) - restriction: || (== dnxcore50) (== netstandard10) (== netstandard13) (>= netstandard15)
      System.IO (>= 4.3) - restriction: || (== dnxcore50) (== netstandard10) (== netstandard13) (>= netstandard15)
      System.Reflection.Primitives (>= 4.3) - restriction: || (== dnxcore50) (== netstandard10) (== netstandard13) (>= netstandard15)
      System.Runtime (>= 4.3) - restriction: || (== dnxcore50) (== netstandard10) (== netstandard13) (>= netstandard15)
    System.Reflection.Emit.ILGeneration (4.3) - restriction: == dnxcore50
    System.Reflection.Emit.Lightweight (4.3) - restriction: == dnxcore50
    System.Reflection.Extensions (4.3) - restriction: == dnxcore50
      Microsoft.NETCore.Platforms (>= 1.1) - restriction: || (== dnxcore50) (>= netstandard10)
      Microsoft.NETCore.Targets (>= 1.1) - restriction: || (== dnxcore50) (>= netstandard10)
      System.Reflection (>= 4.3) - restriction: || (== dnxcore50) (>= netstandard10)
      System.Runtime (>= 4.3) - restriction: || (== dnxcore50) (>= netstandard10)
    System.Reflection.Primitives (4.3) - restriction: == dnxcore50
      Microsoft.NETCore.Platforms (>= 1.1) - restriction: || (== dnxcore50) (>= netstandard10)
      Microsoft.NETCore.Targets (>= 1.1) - restriction: || (== dnxcore50) (>= netstandard10)
      System.Runtime (>= 4.3) - restriction: || (== dnxcore50) (>= netstandard10)
    System.Reflection.TypeExtensions (4.3) - restriction: == dnxcore50
      System.Diagnostics.Contracts (>= 4.3) - restriction: == dnxcore50
      System.Diagnostics.Debug (>= 4.3) - restriction: == dnxcore50
      System.Linq (>= 4.3) - restriction: == dnxcore50
      System.Reflection (>= 4.3) - restriction: || (== dnxcore50) (== netstandard13) (>= netstandard15)
      System.Reflection.Primitives (>= 4.3) - restriction: == dnxcore50
      System.Resources.ResourceManager (>= 4.3) - restriction: == dnxcore50
      System.Runtime (>= 4.3) - restriction: || (== dnxcore50) (== netstandard13) (>= netstandard15)
      System.Runtime.Extensions (>= 4.3) - restriction: == dnxcore50
    System.Resources.ResourceManager (4.3) - restriction: == dnxcore50
      Microsoft.NETCore.Platforms (>= 1.1) - restriction: || (== dnxcore50) (>= netstandard10)
      Microsoft.NETCore.Targets (>= 1.1) - restriction: || (== dnxcore50) (>= netstandard10)
      System.Globalization (>= 4.3) - restriction: || (== dnxcore50) (>= netstandard10)
      System.Reflection (>= 4.3) - restriction: || (== dnxcore50) (>= netstandard10)
      System.Runtime (>= 4.3) - restriction: || (== dnxcore50) (>= netstandard10)
    System.Runtime (4.3) - restriction: == dnxcore50
      Microsoft.NETCore.Platforms (>= 1.1) - restriction: || (== dnxcore50) (== netstandard10) (== netstandard12) (== netstandard13) (>= netstandard15)
      Microsoft.NETCore.Targets (>= 1.1) - restriction: || (== dnxcore50) (== netstandard10) (== netstandard12) (== netstandard13) (>= netstandard15)
    System.Runtime.Extensions (4.3) - restriction: == dnxcore50
      Microsoft.NETCore.Platforms (>= 1.1) - restriction: || (== dnxcore50) (== netstandard10) (== netstandard13) (>= netstandard15)
      Microsoft.NETCore.Targets (>= 1.1) - restriction: || (== dnxcore50) (== netstandard10) (== netstandard13) (>= netstandard15)
      System.Runtime (>= 4.3) - restriction: || (== dnxcore50) (== netstandard10) (== netstandard13) (>= netstandard15)
    System.Text.Encoding (4.3) - restriction: == dnxcore50
      Microsoft.NETCore.Platforms (>= 1.1) - restriction: || (== dnxcore50) (== netstandard10) (>= netstandard13)
      Microsoft.NETCore.Targets (>= 1.1) - restriction: || (== dnxcore50) (== netstandard10) (>= netstandard13)
      System.Runtime (>= 4.3) - restriction: || (== dnxcore50) (== netstandard10) (>= netstandard13)
    System.Text.RegularExpressions (4.3) - restriction: == dnxcore50
      System.Collections (>= 4.3) - restriction: || (== dnxcore50) (>= netstandard16)
      System.Globalization (>= 4.3) - restriction: || (== dnxcore50) (>= netstandard16)
      System.Resources.ResourceManager (>= 4.3) - restriction: || (== dnxcore50) (>= netstandard16)
      System.Runtime (>= 4.3) - restriction: || (== dnxcore50) (== netstandard10) (== netstandard13) (>= netstandard16)
      System.Runtime.Extensions (>= 4.3) - restriction: || (== dnxcore50) (>= netstandard16)
      System.Threading (>= 4.3) - restriction: || (== dnxcore50) (>= netstandard16)
    System.Threading (4.3) - restriction: == dnxcore50
      System.Runtime (>= 4.3) - restriction: || (== dnxcore50) (== netstandard10) (>= netstandard13)
      System.Threading.Tasks (>= 4.3) - restriction: || (== dnxcore50) (== netstandard10) (>= netstandard13)
    System.Threading.Tasks (4.3) - restriction: == dnxcore50
      Microsoft.NETCore.Platforms (>= 1.1) - restriction: || (== dnxcore50) (== netstandard10) (>= netstandard13)
      Microsoft.NETCore.Targets (>= 1.1) - restriction: || (== dnxcore50) (== netstandard10) (>= netstandard13)
      System.Runtime (>= 4.3) - restriction: || (== dnxcore50) (== netstandard10) (>= netstandard13)
    System.Threading.ThreadPool (4.3) - restriction: == netcore10
    xunit (2.1)
      xunit.assert (2.1)
      xunit.core (2.1)
    xunit.abstractions (2.0) - restriction: || (== dnx451) (== dnxcore50) (>= portable-net45+win8+wp8+wpa81)
    xunit.assert (2.1)
      System.Collections (>= 4.0) - restriction: == dnxcore50
      System.Diagnostics.Debug (>= 4.0) - restriction: == dnxcore50
      System.Globalization (>= 4.0) - restriction: == dnxcore50
      System.Linq (>= 4.0) - restriction: == dnxcore50
      System.ObjectModel (>= 4.0) - restriction: == dnxcore50
      System.Reflection (>= 4.0) - restriction: == dnxcore50
      System.Reflection.Extensions (>= 4.0) - restriction: == dnxcore50
      System.Runtime (>= 4.0) - restriction: == dnxcore50
      System.Runtime.Extensions (>= 4.0) - restriction: == dnxcore50
      System.Text.RegularExpressions (>= 4.0) - restriction: == dnxcore50
      System.Threading.Tasks (>= 4.0) - restriction: == dnxcore50
    xunit.core (2.1)
      System.Collections (>= 4.0) - restriction: == dnxcore50
      System.Diagnostics.Debug (>= 4.0) - restriction: == dnxcore50
      System.Globalization (>= 4.0) - restriction: == dnxcore50
      System.Linq (>= 4.0) - restriction: == dnxcore50
      System.Reflection (>= 4.0) - restriction: == dnxcore50
      System.Reflection.Extensions (>= 4.0) - restriction: == dnxcore50
      System.Runtime (>= 4.0) - restriction: == dnxcore50
      System.Runtime.Extensions (>= 4.0) - restriction: == dnxcore50
      System.Threading.Tasks (>= 4.0) - restriction: == dnxcore50
      xunit.abstractions (>= 2.0) - restriction: == dnxcore50
      xunit.extensibility.core (2.1) - restriction: || (== dnx451) (== dnxcore50) (>= portable-net45+win8+wp8+wpa81)
      xunit.extensibility.execution (2.1) - restriction: || (== dnx451) (== dnxcore50) (>= portable-net45+win8+wp8+wpa81)
    xunit.extensibility.core (2.1) - restriction: || (== dnx451) (== dnxcore50) (>= portable-net45+win8+wp8+wpa81)
      xunit.abstractions (2.0)
    xunit.extensibility.execution (2.1)
      System.Collections (>= 4.0) - restriction: == dnxcore50
      System.Diagnostics.Debug (>= 4.0) - restriction: == dnxcore50
      System.Globalization (>= 4.0) - restriction: == dnxcore50
      System.IO (>= 4.0) - restriction: == dnxcore50
      System.Linq (>= 4.0) - restriction: == dnxcore50
      System.Linq.Expressions (>= 4.0) - restriction: == dnxcore50
      System.Reflection (>= 4.0) - restriction: == dnxcore50
      System.Reflection.Extensions (>= 4.0) - restriction: == dnxcore50
      System.Runtime (>= 4.0) - restriction: == dnxcore50
      System.Runtime.Extensions (>= 4.0) - restriction: == dnxcore50
      System.Text.Encoding (>= 4.0) - restriction: == dnxcore50
      System.Threading (>= 4.0) - restriction: == dnxcore50
      System.Threading.Tasks (>= 4.0) - restriction: == dnxcore50
      xunit.abstractions (>= 2.0) - restriction: == dnxcore50
      xunit.extensibility.core (2.1) - restriction: || (== dnx451) (== dnxcore50) (== monoandroid) (== monotouch) (== xamarinios) (== win8) (== wp8) (== wpa81) (>= net45)
    xunit.runner.console (2.2)
    xunit.runner.visualstudio (2.2)
      Microsoft.DotNet.PlatformAbstractions (>= 1.1) - restriction: == netcore10
      Microsoft.Extensions.DependencyModel (>= 1.1) - restriction: == netcore10
      Microsoft.TestPlatform.ObjectModel (>= 11.0) - restriction: == netcore10
      NETStandard.Library (>= 1.6) - restriction: == netcore10
      System.Threading.ThreadPool (>= 4.0.10) - restriction: == netcore10
